RESTRICTION: || (== net471) (== netcoreapp3.0) (== netcoreapp3.1) (== netstandard2.0)
NUGET
  remote: https://api.nuget.org/v3/index.json
    Aardvark.Base (5.0.0-prerelease0012)
      Aardvark.Base.Telemetry (5.0.0-prerelease0012)
      DevILSharp (>= 0.2.8 < 0.3)
      System.Collections.Immutable (>= 1.7 < 2.0)
      System.Reflection.Metadata (>= 1.8 < 2.0) - restriction: || (== net471) (&& (== netcoreapp3.1) (< netcoreapp3.0)) (== netstandard2.0)
    Aardvark.Base.Essentials (5.0.0-prerelease0012)
      Aardvark.Base (5.0.0-prerelease0012)
      DevILSharp (>= 0.2.8 < 0.3)
      System.Collections.Immutable (>= 1.7 < 1.8)
      System.Reactive (>= 4.1.5 < 4.2)
    Aardvark.Base.FSharp (5.0.0-prerelease0012)
      Aardvark.Base (5.0.0-prerelease0012)
      Aardvark.Base.TypeProviders (>= 4.5.15 < 4.6)
      DevILSharp (>= 0.2.8 < 0.3)
      FSharp.Core (>= 4.6.2)
      FSharp.Data.Adaptive (>= 0.0.16 < 0.1)
      FsPickler (>= 5.2.2 < 5.3)
      System.Dynamic.Runtime (>= 4.3 < 4.4)
    Aardvark.Base.Incremental (5.0.0-prerelease0012)
      Aardvark.Base (5.0.0-prerelease0012)
      Aardvark.Base.FSharp (5.0.0-prerelease0012)
      Aardvark.Base.TypeProviders (>= 4.5.15 < 4.6)
      DevILSharp (>= 0.2.8 < 0.3)
      FSharp.Core (>= 4.6.2)
      FSharp.Data.Adaptive (>= 0.0.16 < 0.1)
      FsPickler (>= 5.2.2 < 5.3)
    Aardvark.Base.IO (5.0.0-prerelease0012)
      Aardvark.Base (5.0.0-prerelease0012)
      DevILSharp (>= 0.2.8 < 0.3)
      System.Dynamic.Runtime (>= 4.3 < 4.4)
    Aardvark.Base.Runtime (5.0.0-prerelease0012)
      Aardvark.Base.FSharp (5.0.0-prerelease0012)
      Aardvark.Base.Incremental (5.0.0-prerelease0012)
      Aardvark.Base.TypeProviders (>= 4.5.15 < 4.6)
      DevILSharp (>= 0.2.8 < 0.3)
      FSharp.Core (>= 4.6.2)
      FSharp.Data.Adaptive (>= 0.0.16 < 0.1)
      FsPickler (>= 5.2.2 < 5.3)
    Aardvark.Base.Telemetry (5.0.0-prerelease0012)
    Aardvark.Base.TypeProviders (4.5.15)
      FSharp.Core (>= 3.1.2.5) - restriction: || (== net471) (&& (== netcoreapp3.0) (>= net45)) (&& (== netcoreapp3.1) (>= net45)) (&& (== netstandard2.0) (>= net45))
      FSharp.Core (>= 4.2.3) - restriction: || (&& (== net471) (< net45)) (== netcoreapp3.0) (== netcoreapp3.1) (== netstandard2.0)
    BruTile (2.0.2)
      NETStandard.Library (>= 1.6.1) - restriction: || (&& (== net471) (< net45)) (== netcoreapp3.0) (== netcoreapp3.1) (== netstandard2.0)
      System.Net.Http (>= 4.3.3) - restriction: || (&& (== net471) (< net45)) (== netcoreapp3.0) (== netcoreapp3.1) (== netstandard2.0)
      System.Net.Requests (>= 4.3) - restriction: || (&& (== net471) (< net45)) (== netcoreapp3.0) (== netcoreapp3.1) (== netstandard2.0)
      System.Xml.XmlSerializer (>= 4.3) - restriction: || (&& (== net471) (< net45)) (== netcoreapp3.0) (== netcoreapp3.1) (== netstandard2.0)
    Clipper (6.4)
    CommonMark.NET (0.15.1)
    DevILSharp (0.2.8)
      FSharp.Core (>= 4.6.2)
    DockPanelSuite (2.10.0-beta2)
    DockPanelSuite.ThemeVS2012Light (2.10.0-beta2)
      DockPanelSuite (>= 2.10.0-beta2)
    DockPanelSuite.ThemeVS2013Blue (2.10.0-beta2)
      DockPanelSuite (>= 2.10.0-beta2)
    FShade (5.0.0-prerelease0005)
      FShade.Core (5.0.0-prerelease0005)
      FShade.GLSL (5.0.0-prerelease0005)
      FShade.Imperative (5.0.0-prerelease0005)
      FShade.SpirV (5.0.0-prerelease0005)
    FShade.Core (5.0.0-prerelease0005)
      Aardvark.Base (>= 5.0.0-prerelease0008 < 5.1.0-prerelease)
      Aardvark.Base.FSharp (>= 5.0.0-prerelease0008 < 5.1.0-prerelease)
      FShade.Imperative (5.0.0-prerelease0005)
      FSharp.Core (>= 4.6.2)
    FShade.Debug (5.0.0-prerelease0005)
      Aardvark.Base (>= 5.0.0-prerelease0008 < 5.1.0-prerelease)
      Aardvark.Base.FSharp (>= 5.0.0-prerelease0008 < 5.1.0-prerelease)
      Aardvark.Base.Incremental (>= 5.0.0-prerelease0008 < 5.1.0-prerelease)
      FShade.Core (5.0.0-prerelease0005)
      FShade.Imperative (5.0.0-prerelease0005)
      FSharp.Compiler.Service (>= 30.0 < 30.1)
      FSharp.Core (>= 4.6.2)
    FShade.GLSL (5.0.0-prerelease0005)
      Aardvark.Base (>= 5.0.0-prerelease0008 < 5.1.0-prerelease)
      Aardvark.Base.FSharp (>= 5.0.0-prerelease0008 < 5.1.0-prerelease)
      FShade.Core (5.0.0-prerelease0005)
      FShade.Imperative (5.0.0-prerelease0005)
      FSharp.Core (>= 4.6.2)
    FShade.Imperative (5.0.0-prerelease0005)
      Aardvark.Base (>= 5.0.0-prerelease0008 < 5.1.0-prerelease)
      Aardvark.Base.FSharp (>= 5.0.0-prerelease0008 < 5.1.0-prerelease)
      FSharp.Core (>= 4.6.2)
      FsPickler (>= 5.2.2 < 5.3)
    FShade.SpirV (5.0.0-prerelease0005)
      Aardvark.Base (>= 5.0.0-prerelease0008 < 5.1.0-prerelease)
      Aardvark.Base.FSharp (>= 5.0.0-prerelease0008 < 5.1.0-prerelease)
      FShade.Core (5.0.0-prerelease0005)
      FShade.Imperative (5.0.0-prerelease0005)
      FSharp.Core (>= 4.6.2)
    FSharp.Charting (0.91.1)
    FSharp.Compiler.Service (30.0)
      FSharp.Core (>= 4.6.2)
      System.Collections.Immutable (>= 1.5)
      System.Diagnostics.Process (>= 4.1) - restriction: || (&& (== net471) (< net461)) (== netcoreapp3.0) (== netcoreapp3.1) (== netstandard2.0)
      System.Diagnostics.TraceSource (>= 4.0) - restriction: || (&& (== net471) (< net461)) (== netcoreapp3.0) (== netcoreapp3.1) (== netstandard2.0)
      System.Reflection.Emit (>= 4.3) - restriction: || (&& (== net471) (< net461)) (== netcoreapp3.0) (== netcoreapp3.1) (== netstandard2.0)
      System.Reflection.Metadata (>= 1.6)
      System.Reflection.TypeExtensions (>= 4.3) - restriction: || (&& (== net471) (< net461)) (== netcoreapp3.0) (== netcoreapp3.1) (== netstandard2.0)
      System.Runtime.Loader (>= 4.0) - restriction: || (&& (== net471) (< net461)) (== netcoreapp3.0) (== netcoreapp3.1) (== netstandard2.0)
      System.Security.Cryptography.Algorithms (>= 4.3) - restriction: || (&& (== net471) (< net461)) (== netcoreapp3.0) (== netcoreapp3.1) (== netstandard2.0)
      System.ValueTuple (>= 4.4) - restriction: || (== net471) (&& (== netcoreapp3.0) (>= net461)) (&& (== netcoreapp3.1) (>= net461)) (&& (== netstandard2.0) (>= net461))
    FSharp.Core (4.6.2)
    FSharp.Data.Adaptive (0.0.17)
      FSharp.Core (>= 4.6.2)
      System.Reflection.Emit.Lightweight (>= 4.6 < 4.7)
    FsPickler (5.2.2)
      FSharp.Core (>= 3.1.2) - restriction: || (== net471) (&& (== netcoreapp3.0) (>= net45)) (&& (== netcoreapp3.1) (>= net45)) (&& (== netstandard2.0) (>= net45))
      FSharp.Core (>= 4.3.2) - restriction: || (&& (== net471) (< net45)) (== netcoreapp3.0) (== netcoreapp3.1) (== netstandard2.0)
      System.Reflection.Emit.Lightweight (>= 4.3) - restriction: || (&& (== net471) (< net45)) (== netcoreapp3.0) (== netcoreapp3.1) (== netstandard2.0)
    FsUnit (3.1)
      FSharp.Core (>= 4.2.3)
      NETStandard.Library (>= 2.0.1) - restriction: || (&& (== net471) (< net46)) (== netcoreapp3.0) (== netcoreapp3.1) (== netstandard2.0)
      NUnit (>= 3.9 < 4.0)
    GLSLangSharp (0.4.6)
      FSharp.Core (>= 4.6.2)
    Microsoft.Bcl.AsyncInterfaces (1.1) - restriction: || (&& (== net471) (== netcoreapp3.0)) (&& (== net471) (== netcoreapp3.1)) (&& (== net471) (>= monoandroid) (< netstandard2.0)) (&& (== net471) (>= monotouch)) (&& (== net471) (< net451)) (&& (== net471) (>= netcoreapp2.0)) (&& (== net471) (>= netcoreapp2.1)) (&& (== net471) (>= uap10.1)) (&& (== net471) (>= xamarinios)) (&& (== net471) (>= xamarinmac)) (&& (== net471) (>= xamarintvos)) (&& (== net471) (>= xamarinwatchos)) (&& (== netcoreapp3.0) (>= monoandroid) (< netstandard2.0)) (&& (== netcoreapp3.0) (>= monotouch)) (&& (== netcoreapp3.0) (>= net461)) (&& (== netcoreapp3.0) (< netcoreapp2.0)) (&& (== netcoreapp3.0) (< netcoreapp2.1)) (&& (== netcoreapp3.0) (>= uap10.1)) (&& (== netcoreapp3.0) (>= xamarinios)) (&& (== netcoreapp3.0) (>= xamarinmac)) (&& (== netcoreapp3.0) (>= xamarintvos)) (&& (== netcoreapp3.0) (>= xamarinwatchos)) (&& (== netcoreapp3.1) (>= monoandroid) (< netstandard2.0)) (&& (== netcoreapp3.1) (>= monotouch)) (&& (== netcoreapp3.1) (>= net461)) (&& (== netcoreapp3.1) (< netcoreapp2.0)) (&& (== netcoreapp3.1) (< netcoreapp2.1)) (&& (== netcoreapp3.1) (< netcoreapp3.0)) (&& (== netcoreapp3.1) (>= uap10.1)) (&& (== netcoreapp3.1) (>= xamarinios)) (&& (== netcoreapp3.1) (>= xamarinmac)) (&& (== netcoreapp3.1) (>= xamarintvos)) (&& (== netcoreapp3.1) (>= xamarinwatchos)) (== netstandard2.0)
      System.Threading.Tasks.Extensions (>= 4.5.2)
    Microsoft.CSharp (4.7)
    Microsoft.DotNet.PlatformAbstractions (3.1.2)
      System.Runtime.InteropServices.RuntimeInformation (>= 4.0) - restriction: || (== net471) (&& (== netcoreapp3.0) (>= net45)) (&& (== netcoreapp3.0) (< netstandard2.0)) (&& (== netcoreapp3.1) (>= net45)) (&& (== netcoreapp3.1) (< netstandard2.0)) (&& (== netstandard2.0) (>= net45))
    Microsoft.Extensions.DependencyModel (3.1.2)
      Newtonsoft.Json (>= 9.0.1) - restriction: || (== net471) (&& (== netcoreapp3.0) (>= net451)) (&& (== netcoreapp3.0) (< netstandard1.6)) (&& (== netcoreapp3.0) (< netstandard2.0)) (&& (== netcoreapp3.1) (>= net451)) (&& (== netcoreapp3.1) (< netstandard1.6)) (&& (== netcoreapp3.1) (< netstandard2.0)) (&& (== netstandard2.0) (>= net451)) (&& (== netstandard2.0) (< netstandard1.6))
      System.Runtime.InteropServices.RuntimeInformation (>= 4.0) - restriction: || (== net471) (&& (== netcoreapp3.0) (>= net451)) (&& (== netcoreapp3.0) (< netstandard1.6)) (&& (== netcoreapp3.0) (< netstandard2.0)) (&& (== netcoreapp3.1) (>= net451)) (&& (== netcoreapp3.1) (< netstandard1.6)) (&& (== netcoreapp3.1) (< netstandard2.0)) (&& (== netstandard2.0) (>= net451)) (&& (== netstandard2.0) (< netstandard1.6))
      System.Text.Json (>= 4.7.1) - restriction: || (&& (== net471) (< net451)) (== netcoreapp3.0) (== netcoreapp3.1) (== netstandard2.0)
    Microsoft.Net.Compilers.Toolset (3.4)
    Microsoft.NETCore.App (2.2.8) - restriction: || (&& (== net471) (>= netcoreapp1.0)) (== netcoreapp3.0) (== netcoreapp3.1) (&& (== netstandard2.0) (>= netcoreapp1.0))
      Microsoft.NETCore.DotNetHostPolicy (>= 2.2.8) - restriction: || (&& (== net471) (>= netcoreapp2.2)) (== netcoreapp3.0) (== netcoreapp3.1) (&& (== netstandard2.0) (>= netcoreapp2.2))
      Microsoft.NETCore.Platforms (>= 2.2.4) - restriction: || (&& (== net471) (>= netcoreapp2.2)) (== netcoreapp3.0) (== netcoreapp3.1) (&& (== netstandard2.0) (>= netcoreapp2.2))
      Microsoft.NETCore.Targets (>= 2.0) - restriction: || (&& (== net471) (>= netcoreapp2.2)) (== netcoreapp3.0) (== netcoreapp3.1) (&& (== netstandard2.0) (>= netcoreapp2.2))
      NETStandard.Library (>= 2.0.3) - restriction: || (&& (== net471) (>= netcoreapp2.2)) (== netcoreapp3.0) (== netcoreapp3.1) (&& (== netstandard2.0) (>= netcoreapp2.2))
    Microsoft.NETCore.DotNetAppHost (3.1.1) - restriction: || (&& (== net471) (>= netcoreapp2.2)) (== netcoreapp3.0) (== netcoreapp3.1) (&& (== netstandard2.0) (>= netcoreapp2.2))
    Microsoft.NETCore.DotNetHostPolicy (3.1.1) - restriction: || (&& (== net471) (>= netcoreapp2.2)) (== netcoreapp3.0) (== netcoreapp3.1) (&& (== netstandard2.0) (>= netcoreapp2.2))
      Microsoft.NETCore.DotNetHostResolver (>= 3.1.1)
    Microsoft.NETCore.DotNetHostResolver (3.1.1) - restriction: || (&& (== net471) (>= netcoreapp2.2)) (== netcoreapp3.0) (== netcoreapp3.1) (&& (== netstandard2.0) (>= netcoreapp2.2))
      Microsoft.NETCore.DotNetAppHost (>= 3.1.1)
    Microsoft.NETCore.Platforms (3.1) - restriction: || (&& (== net471) (< net45)) (&& (== net471) (>= netcoreapp2.0)) (&& (== net471) (>= netcoreapp2.2)) (== netcoreapp3.0) (== netcoreapp3.1) (== netstandard2.0)
    Microsoft.NETCore.Targets (3.1) - restriction: || (&& (== net471) (< net45)) (&& (== net471) (>= netcoreapp2.2)) (== netcoreapp3.0) (== netcoreapp3.1) (== netstandard2.0)
    Microsoft.Win32.Primitives (4.3) - restriction: || (&& (== net471) (< net46)) (== netcoreapp3.0) (== netcoreapp3.1) (== netstandard2.0)
      Microsoft.NETCore.Platforms (>= 1.1) - restriction: || (&& (== net471) (< net46)) (== netcoreapp3.0) (== netcoreapp3.1) (== netstandard2.0)
      Microsoft.NETCore.Targets (>= 1.1) - restriction: || (&& (== net471) (< net46)) (== netcoreapp3.0) (== netcoreapp3.1) (== netstandard2.0)
      System.Runtime (>= 4.3) - restriction: || (&& (== net471) (< net46)) (== netcoreapp3.0) (== netcoreapp3.1) (== netstandard2.0)
    Microsoft.Win32.Registry (4.7) - restriction: || (&& (== net471) (< net46)) (== netcoreapp3.0) (== netcoreapp3.1) (== netstandard2.0)
      System.Buffers (>= 4.5) - restriction: || (&& (== net471) (>= monoandroid) (< netstandard2.0)) (&& (== net471) (>= monotouch)) (&& (== net471) (< net46)) (&& (== net471) (>= xamarinios)) (&& (== net471) (>= xamarinmac)) (&& (== net471) (>= xamarintvos)) (&& (== net471) (>= xamarinwatchos)) (&& (== netcoreapp3.0) (>= monoandroid) (< netstandard2.0)) (&& (== netcoreapp3.0) (>= monotouch)) (&& (== netcoreapp3.0) (< netcoreapp2.0)) (&& (== netcoreapp3.0) (>= xamarinios)) (&& (== netcoreapp3.0) (>= xamarinmac)) (&& (== netcoreapp3.0) (>= xamarintvos)) (&& (== netcoreapp3.0) (>= xamarinwatchos)) (&& (== netcoreapp3.1) (>= monoandroid) (< netstandard2.0)) (&& (== netcoreapp3.1) (>= monotouch)) (&& (== netcoreapp3.1) (< netcoreapp2.0)) (&& (== netcoreapp3.1) (>= xamarinios)) (&& (== netcoreapp3.1) (>= xamarinmac)) (&& (== netcoreapp3.1) (>= xamarintvos)) (&& (== netcoreapp3.1) (>= xamarinwatchos)) (== netstandard2.0)
      System.Memory (>= 4.5.3) - restriction: || (&& (== net471) (< net46)) (&& (== net471) (>= netcoreapp2.0)) (&& (== net471) (>= uap10.1)) (&& (== netcoreapp3.0) (< netcoreapp2.0)) (&& (== netcoreapp3.0) (< netcoreapp2.1)) (&& (== netcoreapp3.0) (>= uap10.1)) (&& (== netcoreapp3.1) (< netcoreapp2.0)) (&& (== netcoreapp3.1) (< netcoreapp2.1)) (&& (== netcoreapp3.1) (>= uap10.1)) (== netstandard2.0)
      System.Security.AccessControl (>= 4.7)
      System.Security.Principal.Windows (>= 4.7)
    NETStandard.Library (2.0.3) - restriction: || (&& (== net471) (< net40)) (&& (== net471) (< net46)) (&& (== net471) (>= netcoreapp2.2)) (== netcoreapp3.0) (== netcoreapp3.1) (== netstandard2.0)
      Microsoft.NETCore.Platforms (>= 1.1)
    Newtonsoft.Json (12.0.3) - restriction: || (== net471) (&& (== netcoreapp3.0) (>= net451)) (&& (== netcoreapp3.0) (< netstandard1.6)) (&& (== netcoreapp3.0) (< netstandard2.0)) (&& (== netcoreapp3.1) (>= net451)) (&& (== netcoreapp3.1) (< netstandard1.6)) (&& (== netcoreapp3.1) (< netstandard2.0)) (&& (== netstandard2.0) (>= net451)) (&& (== netstandard2.0) (< netstandard1.6))
    NUnit (3.9)
      NETStandard.Library (>= 1.6) - restriction: || (&& (== net471) (>= monoandroid)) (&& (== net471) (< net20)) (&& (== net471) (>= uap10.0)) (&& (== net471) (>= xamarinios)) (== netcoreapp3.0) (== netcoreapp3.1) (== netstandard2.0)
      System.Runtime.Loader (>= 4.3) - restriction: || (&& (== net471) (< net20)) (== netcoreapp3.0) (== netcoreapp3.1) (== netstandard2.0)
      System.Threading.Thread (>= 4.3) - restriction: || (&& (== net471) (< net20)) (== netcoreapp3.0) (== netcoreapp3.1) (== netstandard2.0)
    NUnit.Console (3.8)
      NUnit.ConsoleRunner (>= 3.8)
      NUnit.Extension.NUnitProjectLoader (>= 3.5)
      NUnit.Extension.NUnitV2Driver (>= 3.6)
      NUnit.Extension.NUnitV2ResultWriter (>= 3.5)
      NUnit.Extension.TeamCityEventListener (>= 1.0.3)
      NUnit.Extension.VSProjectLoader (>= 3.7)
    NUnit.ConsoleRunner (3.10)
    NUnit.Extension.NUnitProjectLoader (3.6)
    NUnit.Extension.NUnitV2Driver (3.8)
    NUnit.Extension.NUnitV2ResultWriter (3.6)
    NUnit.Extension.TeamCityEventListener (1.0.7)
    NUnit.Extension.VSProjectLoader (3.8)
    OpenHardwareMonitor (0.7.1)
    runtime.debian.8-x64.runtime.native.System.Security.Cryptography.OpenSsl (4.3.3) - restriction: || (&& (== net471) (< net45)) (== netcoreapp3.0) (== netcoreapp3.1) (== netstandard2.0)
    runtime.debian.9-x64.runtime.native.System.Security.Cryptography.OpenSsl (4.3.3) - restriction: || (&& (== net471) (< net45)) (== netcoreapp3.0) (== netcoreapp3.1) (== netstandard2.0)
    runtime.fedora.23-x64.runtime.native.System.Security.Cryptography.OpenSsl (4.3.3) - restriction: || (&& (== net471) (< net45)) (== netcoreapp3.0) (== netcoreapp3.1) (== netstandard2.0)
    runtime.fedora.24-x64.runtime.native.System.Security.Cryptography.OpenSsl (4.3.3) - restriction: || (&& (== net471) (< net45)) (== netcoreapp3.0) (== netcoreapp3.1) (== netstandard2.0)
    runtime.fedora.27-x64.runtime.native.System.Security.Cryptography.OpenSsl (4.3.3) - restriction: || (&& (== net471) (< net45)) (== netcoreapp3.0) (== netcoreapp3.1) (== netstandard2.0)
    runtime.fedora.28-x64.runtime.native.System.Security.Cryptography.OpenSsl (4.3.3) - restriction: || (&& (== net471) (< net45)) (== netcoreapp3.0) (== netcoreapp3.1) (== netstandard2.0)
    runtime.native.System (4.3.1) - restriction: || (&& (== net471) (< net45)) (== netcoreapp3.0) (== netcoreapp3.1) (== netstandard2.0)
      Microsoft.NETCore.Platforms (>= 1.1.1)
      Microsoft.NETCore.Targets (>= 1.1.3)
    runtime.native.System.Net.Http (4.3.1) - restriction: || (&& (== net471) (< net45)) (== netcoreapp3.0) (== netcoreapp3.1) (== netstandard2.0)
      Microsoft.NETCore.Platforms (>= 1.1.1)
      Microsoft.NETCore.Targets (>= 1.1.3)
    runtime.native.System.Security.Cryptography.Apple (4.3.1) - restriction: || (&& (== net471) (< net46)) (== netcoreapp3.0) (== netcoreapp3.1) (== netstandard2.0)
      runtime.osx.10.10-x64.runtime.native.System.Security.Cryptography.Apple (>= 4.3.1)
    runtime.native.System.Security.Cryptography.OpenSsl (4.3.3) - restriction: || (&& (== net471) (< net45)) (== netcoreapp3.0) (== netcoreapp3.1) (== netstandard2.0)
      runtime.debian.8-x64.runtime.native.System.Security.Cryptography.OpenSsl (>= 4.3.3)
      runtime.debian.9-x64.runtime.native.System.Security.Cryptography.OpenSsl (>= 4.3.3)
      runtime.fedora.23-x64.runtime.native.System.Security.Cryptography.OpenSsl (>= 4.3.3)
      runtime.fedora.24-x64.runtime.native.System.Security.Cryptography.OpenSsl (>= 4.3.3)
      runtime.fedora.27-x64.runtime.native.System.Security.Cryptography.OpenSsl (>= 4.3.3)
      runtime.fedora.28-x64.runtime.native.System.Security.Cryptography.OpenSsl (>= 4.3.3)
      runtime.opensuse.13.2-x64.runtime.native.System.Security.Cryptography.OpenSsl (>= 4.3.3)
      runtime.opensuse.42.1-x64.runtime.native.System.Security.Cryptography.OpenSsl (>= 4.3.3)
      runtime.opensuse.42.3-x64.runtime.native.System.Security.Cryptography.OpenSsl (>= 4.3.3)
      runtime.osx.10.10-x64.runtime.native.System.Security.Cryptography.OpenSsl (>= 4.3.3)
      runtime.rhel.7-x64.runtime.native.System.Security.Cryptography.OpenSsl (>= 4.3.3)
      runtime.ubuntu.14.04-x64.runtime.native.System.Security.Cryptography.OpenSsl (>= 4.3.3)
      runtime.ubuntu.16.04-x64.runtime.native.System.Security.Cryptography.OpenSsl (>= 4.3.3)
      runtime.ubuntu.16.10-x64.runtime.native.System.Security.Cryptography.OpenSsl (>= 4.3.3)
      runtime.ubuntu.18.04-x64.runtime.native.System.Security.Cryptography.OpenSsl (>= 4.3.3)
    runtime.opensuse.13.2-x64.runtime.native.System.Security.Cryptography.OpenSsl (4.3.3) - restriction: || (&& (== net471) (< net45)) (== netcoreapp3.0) (== netcoreapp3.1) (== netstandard2.0)
    runtime.opensuse.42.1-x64.runtime.native.System.Security.Cryptography.OpenSsl (4.3.3) - restriction: || (&& (== net471) (< net45)) (== netcoreapp3.0) (== netcoreapp3.1) (== netstandard2.0)
    runtime.opensuse.42.3-x64.runtime.native.System.Security.Cryptography.OpenSsl (4.3.3) - restriction: || (&& (== net471) (< net45)) (== netcoreapp3.0) (== netcoreapp3.1) (== netstandard2.0)
    runtime.osx.10.10-x64.runtime.native.System.Security.Cryptography.Apple (4.3.1) - restriction: || (&& (== net471) (< net46)) (== netcoreapp3.0) (== netcoreapp3.1) (== netstandard2.0)
    runtime.osx.10.10-x64.runtime.native.System.Security.Cryptography.OpenSsl (4.3.3) - restriction: || (&& (== net471) (< net45)) (== netcoreapp3.0) (== netcoreapp3.1) (== netstandard2.0)
    runtime.rhel.7-x64.runtime.native.System.Security.Cryptography.OpenSsl (4.3.3) - restriction: || (&& (== net471) (< net45)) (== netcoreapp3.0) (== netcoreapp3.1) (== netstandard2.0)
    runtime.ubuntu.14.04-x64.runtime.native.System.Security.Cryptography.OpenSsl (4.3.3) - restriction: || (&& (== net471) (< net45)) (== netcoreapp3.0) (== netcoreapp3.1) (== netstandard2.0)
    runtime.ubuntu.16.04-x64.runtime.native.System.Security.Cryptography.OpenSsl (4.3.3) - restriction: || (&& (== net471) (< net45)) (== netcoreapp3.0) (== netcoreapp3.1) (== netstandard2.0)
    runtime.ubuntu.16.10-x64.runtime.native.System.Security.Cryptography.OpenSsl (4.3.3) - restriction: || (&& (== net471) (< net45)) (== netcoreapp3.0) (== netcoreapp3.1) (== netstandard2.0)
    runtime.ubuntu.18.04-x64.runtime.native.System.Security.Cryptography.OpenSsl (4.3.3) - restriction: || (&& (== net471) (< net45)) (== netcoreapp3.0) (== netcoreapp3.1) (== netstandard2.0)
    SharpDX (4.2)
      NETStandard.Library (>= 1.6.1) - restriction: || (&& (== net471) (< net40)) (== netcoreapp3.0) (== netcoreapp3.1) (== netstandard2.0)
    SharpDX.Direct3D9 (4.0.1)
      Microsoft.NETCore.App (>= 1.0.5) - restriction: || (&& (== net471) (>= netcoreapp1.0)) (== netcoreapp3.0) (== netcoreapp3.1) (&& (== netstandard2.0) (>= netcoreapp1.0))
      NETStandard.Library (>= 1.6.1) - restriction: || (&& (== net471) (< net40)) (&& (== netcoreapp3.0) (< netcoreapp1.0)) (&& (== netcoreapp3.1) (< netcoreapp1.0)) (== netstandard2.0)
      SharpDX (>= 4.0.1)
    SharpZipLib (1.2)
    Silk.NET.Core (1.0.0-preview5)
      Microsoft.CSharp (>= 4.7)
      System.Memory (>= 4.5.3)
      System.Numerics.Vectors (>= 4.5)
      System.Reflection.Emit (>= 4.7)
      System.Reflection.Emit.ILGeneration (>= 4.7)
      System.Runtime.CompilerServices.Unsafe (>= 4.7)
      Ultz.SuperInvoke (>= 1.0.3)
    Silk.NET.GLFW (1.0.0-preview5)
      Silk.NET.Core (>= 1.0.0-preview5)
      Ultz.Native.GLFW (>= 3.3.2)
    SixLabors.Core (1.0.0-beta0008)
      System.Buffers (>= 4.4) - restriction: || (== net471) (&& (== netcoreapp3.0) (< netcoreapp2.0)) (&& (== netcoreapp3.0) (< netcoreapp2.1)) (&& (== netcoreapp3.0) (< netstandard2.0)) (&& (== netcoreapp3.1) (< netcoreapp2.0)) (&& (== netcoreapp3.1) (< netcoreapp2.1)) (&& (== netcoreapp3.1) (< netstandard2.0)) (== netstandard2.0)
      System.Memory (>= 4.5.1) - restriction: || (== net471) (&& (== netcoreapp3.0) (< netcoreapp2.0)) (&& (== netcoreapp3.0) (< netcoreapp2.1)) (&& (== netcoreapp3.0) (< netstandard2.0)) (&& (== netcoreapp3.1) (< netcoreapp2.0)) (&& (== netcoreapp3.1) (< netcoreapp2.1)) (&& (== netcoreapp3.1) (< netstandard2.0)) (== netstandard2.0)
      System.Numerics.Vectors (>= 4.5) - restriction: || (== net471) (&& (== netcoreapp3.0) (< netcoreapp2.0)) (&& (== netcoreapp3.0) (< netstandard2.0)) (&& (== netcoreapp3.1) (< netcoreapp2.0)) (&& (== netcoreapp3.1) (< netstandard2.0)) (== netstandard2.0)
      System.Runtime.CompilerServices.Unsafe (>= 4.5.1)
    SixLabors.ImageSharp (1.0.0-beta0007)
      Microsoft.Net.Compilers.Toolset (>= 3.1)
      SixLabors.Core (>= 1.0.0-beta0008)
      System.Runtime.CompilerServices.Unsafe (>= 4.5.1)
    System.Buffers (4.5) - restriction: || (== net471) (&& (== netcoreapp3.0) (>= monotouch)) (&& (== netcoreapp3.0) (>= net46)) (&& (== netcoreapp3.0) (>= net461)) (&& (== netcoreapp3.0) (< netcoreapp2.0)) (&& (== netcoreapp3.0) (< netstandard1.1)) (&& (== netcoreapp3.0) (< netstandard2.0)) (&& (== netcoreapp3.0) (>= uap10.1)) (&& (== netcoreapp3.0) (>= xamarinios)) (&& (== netcoreapp3.0) (>= xamarinmac)) (&& (== netcoreapp3.0) (>= xamarintvos)) (&& (== netcoreapp3.0) (>= xamarinwatchos)) (&& (== netcoreapp3.1) (>= monotouch)) (&& (== netcoreapp3.1) (>= net46)) (&& (== netcoreapp3.1) (>= net461)) (&& (== netcoreapp3.1) (< netcoreapp2.0)) (&& (== netcoreapp3.1) (< netstandard1.1)) (&& (== netcoreapp3.1) (< netstandard2.0)) (&& (== netcoreapp3.1) (>= uap10.1)) (&& (== netcoreapp3.1) (>= xamarinios)) (&& (== netcoreapp3.1) (>= xamarinmac)) (&& (== netcoreapp3.1) (>= xamarintvos)) (&& (== netcoreapp3.1) (>= xamarinwatchos)) (== netstandard2.0)
    System.Collections (4.3) - restriction: || (&& (== net471) (< net45)) (== netcoreapp3.0) (== netcoreapp3.1) (== netstandard2.0)
      Microsoft.NETCore.Platforms (>= 1.1) - restriction: || (&& (== net471) (< net45)) (== netcoreapp3.0) (== netcoreapp3.1) (== netstandard2.0)
      Microsoft.NETCore.Targets (>= 1.1) - restriction: || (&& (== net471) (< net45)) (== netcoreapp3.0) (== netcoreapp3.1) (== netstandard2.0)
      System.Runtime (>= 4.3) - restriction: || (&& (== net471) (< net45)) (== netcoreapp3.0) (== netcoreapp3.1) (== netstandard2.0)
    System.Collections.Concurrent (4.3) - restriction: || (&& (== net471) (< net45)) (== netcoreapp3.0) (== netcoreapp3.1) (== netstandard2.0)
      System.Collections (>= 4.3) - restriction: || (&& (== net471) (< net45)) (== netcoreapp3.0) (== netcoreapp3.1) (== netstandard2.0)
      System.Diagnostics.Debug (>= 4.3) - restriction: || (&& (== net471) (< net45)) (== netcoreapp3.0) (== netcoreapp3.1) (== netstandard2.0)
      System.Diagnostics.Tracing (>= 4.3) - restriction: || (&& (== net471) (< net45)) (== netcoreapp3.0) (== netcoreapp3.1) (== netstandard2.0)
      System.Globalization (>= 4.3) - restriction: || (&& (== net471) (< net45)) (== netcoreapp3.0) (== netcoreapp3.1) (== netstandard2.0)
      System.Reflection (>= 4.3) - restriction: || (&& (== net471) (< net45)) (== netcoreapp3.0) (== netcoreapp3.1) (== netstandard2.0)
      System.Resources.ResourceManager (>= 4.3) - restriction: || (&& (== net471) (< net45)) (== netcoreapp3.0) (== netcoreapp3.1) (== netstandard2.0)
      System.Runtime (>= 4.3) - restriction: || (&& (== net471) (< net45)) (== netcoreapp3.0) (== netcoreapp3.1) (== netstandard2.0)
      System.Runtime.Extensions (>= 4.3) - restriction: || (&& (== net471) (< net45)) (== netcoreapp3.0) (== netcoreapp3.1) (== netstandard2.0)
      System.Threading (>= 4.3) - restriction: || (&& (== net471) (< net45)) (== netcoreapp3.0) (== netcoreapp3.1) (== netstandard2.0)
      System.Threading.Tasks (>= 4.3) - restriction: || (&& (== net471) (< net45)) (== netcoreapp3.0) (== netcoreapp3.1) (== netstandard2.0)
    System.Collections.Immutable (1.7)
      System.Memory (>= 4.5.3) - restriction: || (== net471) (&& (== netcoreapp3.0) (>= net46)) (&& (== netcoreapp3.0) (< netcoreapp2.1)) (&& (== netcoreapp3.0) (< netstandard2.0)) (&& (== netcoreapp3.0) (>= uap10.1)) (&& (== netcoreapp3.1) (>= net46)) (&& (== netcoreapp3.1) (< netcoreapp2.1)) (&& (== netcoreapp3.1) (< netstandard2.0)) (&& (== netcoreapp3.1) (>= uap10.1)) (== netstandard2.0)
    System.Diagnostics.Debug (4.3) - restriction: || (&& (== net471) (< net45)) (== netcoreapp3.0) (== netcoreapp3.1) (== netstandard2.0)
      Microsoft.NETCore.Platforms (>= 1.1) - restriction: || (&& (== net471) (< net45)) (== netcoreapp3.0) (== netcoreapp3.1) (== netstandard2.0)
      Microsoft.NETCore.Targets (>= 1.1) - restriction: || (&& (== net471) (< net45)) (== netcoreapp3.0) (== netcoreapp3.1) (== netstandard2.0)
      System.Runtime (>= 4.3) - restriction: || (&& (== net471) (< net45)) (== netcoreapp3.0) (== netcoreapp3.1) (== netstandard2.0)
    System.Diagnostics.DiagnosticSource (4.7) - restriction: || (&& (== net471) (< net45)) (== netcoreapp3.0) (== netcoreapp3.1) (== netstandard2.0)
      System.Memory (>= 4.5.3) - restriction: || (== net471) (&& (== netcoreapp3.0) (>= net45) (< netstandard1.3)) (&& (== netcoreapp3.0) (>= net46)) (&& (== netcoreapp3.0) (< netcoreapp2.1)) (&& (== netcoreapp3.0) (< netstandard2.0)) (&& (== netcoreapp3.0) (>= uap10.1)) (&& (== netcoreapp3.1) (>= net45) (< netstandard1.3)) (&& (== netcoreapp3.1) (>= net46)) (&& (== netcoreapp3.1) (< netcoreapp2.1)) (&& (== netcoreapp3.1) (< netstandard2.0)) (&& (== netcoreapp3.1) (>= uap10.1)) (== netstandard2.0)
    System.Diagnostics.Process (4.3) - restriction: || (&& (== net471) (< net461)) (== netcoreapp3.0) (== netcoreapp3.1) (== netstandard2.0)
      Microsoft.NETCore.Platforms (>= 1.1) - restriction: || (&& (== net471) (< net46)) (== netcoreapp3.0) (== netcoreapp3.1) (== netstandard2.0)
      Microsoft.Win32.Primitives (>= 4.3) - restriction: || (&& (== net471) (< net46)) (== netcoreapp3.0) (== netcoreapp3.1) (== netstandard2.0)
      Microsoft.Win32.Registry (>= 4.3) - restriction: || (&& (== net471) (< net46)) (== netcoreapp3.0) (== netcoreapp3.1) (== netstandard2.0)
      runtime.native.System (>= 4.3) - restriction: || (&& (== net471) (< net46)) (== netcoreapp3.0) (== netcoreapp3.1) (== netstandard2.0)
      System.Collections (>= 4.3) - restriction: || (&& (== net471) (< net46)) (== netcoreapp3.0) (== netcoreapp3.1) (== netstandard2.0)
      System.Diagnostics.Debug (>= 4.3) - restriction: || (&& (== net471) (< net46)) (== netcoreapp3.0) (== netcoreapp3.1) (== netstandard2.0)
      System.Globalization (>= 4.3) - restriction: || (&& (== net471) (< net46)) (== netcoreapp3.0) (== netcoreapp3.1) (== netstandard2.0)
      System.IO (>= 4.3) - restriction: || (&& (== net471) (< net46)) (== netcoreapp3.0) (== netcoreapp3.1) (== netstandard2.0)
      System.IO.FileSystem (>= 4.3) - restriction: || (&& (== net471) (< net46)) (== netcoreapp3.0) (== netcoreapp3.1) (== netstandard2.0)
      System.IO.FileSystem.Primitives (>= 4.3) - restriction: || (&& (== net471) (< net46)) (== netcoreapp3.0) (== netcoreapp3.1) (== netstandard2.0)
      System.Resources.ResourceManager (>= 4.3) - restriction: || (&& (== net471) (< net46)) (== netcoreapp3.0) (== netcoreapp3.1) (== netstandard2.0)
      System.Runtime (>= 4.3) - restriction: || (&& (== net471) (< net46)) (== netcoreapp3.0) (== netcoreapp3.1) (== netstandard2.0)
      System.Runtime.Extensions (>= 4.3) - restriction: || (&& (== net471) (< net46)) (== netcoreapp3.0) (== netcoreapp3.1) (== netstandard2.0)
      System.Runtime.Handles (>= 4.3) - restriction: || (&& (== net471) (< net46)) (== netcoreapp3.0) (== netcoreapp3.1) (== netstandard2.0)
      System.Runtime.InteropServices (>= 4.3) - restriction: || (&& (== net471) (< net46)) (== netcoreapp3.0) (== netcoreapp3.1) (== netstandard2.0)
      System.Text.Encoding (>= 4.3) - restriction: || (&& (== net471) (< net46)) (== netcoreapp3.0) (== netcoreapp3.1) (== netstandard2.0)
      System.Text.Encoding.Extensions (>= 4.3) - restriction: || (&& (== net471) (< net46)) (== netcoreapp3.0) (== netcoreapp3.1) (== netstandard2.0)
      System.Threading (>= 4.3) - restriction: || (&& (== net471) (< net46)) (== netcoreapp3.0) (== netcoreapp3.1) (== netstandard2.0)
      System.Threading.Tasks (>= 4.3) - restriction: || (&& (== net471) (< net46)) (== netcoreapp3.0) (== netcoreapp3.1) (== netstandard2.0)
      System.Threading.Thread (>= 4.3) - restriction: || (&& (== net471) (< net46)) (== netcoreapp3.0) (== netcoreapp3.1) (== netstandard2.0)
      System.Threading.ThreadPool (>= 4.3) - restriction: || (&& (== net471) (< net46)) (== netcoreapp3.0) (== netcoreapp3.1) (== netstandard2.0)
    System.Diagnostics.TraceSource (4.3) - restriction: || (&& (== net471) (< net461)) (== netcoreapp3.0) (== netcoreapp3.1) (== netstandard2.0)
      Microsoft.NETCore.Platforms (>= 1.1) - restriction: || (&& (== net471) (< net46)) (== netcoreapp3.0) (== netcoreapp3.1) (== netstandard2.0)
      runtime.native.System (>= 4.3) - restriction: || (&& (== net471) (< net46)) (== netcoreapp3.0) (== netcoreapp3.1) (== netstandard2.0)
      System.Collections (>= 4.3) - restriction: || (&& (== net471) (< net46)) (== netcoreapp3.0) (== netcoreapp3.1) (== netstandard2.0)
      System.Diagnostics.Debug (>= 4.3) - restriction: || (&& (== net471) (< net46)) (== netcoreapp3.0) (== netcoreapp3.1) (== netstandard2.0)
      System.Globalization (>= 4.3) - restriction: || (&& (== net471) (< net46)) (== netcoreapp3.0) (== netcoreapp3.1) (== netstandard2.0)
      System.Resources.ResourceManager (>= 4.3) - restriction: || (&& (== net471) (< net46)) (== netcoreapp3.0) (== netcoreapp3.1) (== netstandard2.0)
      System.Runtime (>= 4.3) - restriction: || (&& (== net471) (< net46)) (== netcoreapp3.0) (== netcoreapp3.1) (== netstandard2.0)
      System.Runtime.Extensions (>= 4.3) - restriction: || (&& (== net471) (< net46)) (== netcoreapp3.0) (== netcoreapp3.1) (== netstandard2.0)
      System.Threading (>= 4.3) - restriction: || (&& (== net471) (< net46)) (== netcoreapp3.0) (== netcoreapp3.1) (== netstandard2.0)
    System.Diagnostics.Tracing (4.3) - restriction: || (&& (== net471) (< net45)) (== netcoreapp3.0) (== netcoreapp3.1) (== netstandard2.0)
      Microsoft.NETCore.Platforms (>= 1.1) - restriction: || (&& (== net471) (< net45)) (== netcoreapp3.0) (== netcoreapp3.1) (== netstandard2.0)
      Microsoft.NETCore.Targets (>= 1.1) - restriction: || (&& (== net471) (< net45)) (== netcoreapp3.0) (== netcoreapp3.1) (== netstandard2.0)
      System.Runtime (>= 4.3) - restriction: || (&& (== net471) (< net45)) (== netcoreapp3.0) (== netcoreapp3.1) (== netstandard2.0)
    System.Dynamic.Runtime (4.3)
      System.Collections (>= 4.3) - restriction: || (&& (== net471) (< net45)) (== netcoreapp3.0) (== netcoreapp3.1) (== netstandard2.0)
      System.Diagnostics.Debug (>= 4.3) - restriction: || (&& (== net471) (< net45)) (== netcoreapp3.0) (== netcoreapp3.1) (== netstandard2.0)
      System.Linq (>= 4.3) - restriction: || (&& (== net471) (< net45)) (== netcoreapp3.0) (== netcoreapp3.1) (== netstandard2.0)
      System.Linq.Expressions (>= 4.3) - restriction: || (&& (== net471) (< net45)) (== netcoreapp3.0) (== netcoreapp3.1) (== netstandard2.0)
      System.ObjectModel (>= 4.3) - restriction: || (&& (== net471) (< net45)) (== netcoreapp3.0) (== netcoreapp3.1) (== netstandard2.0)
      System.Reflection (>= 4.3) - restriction: || (&& (== net471) (< net45)) (== netcoreapp3.0) (== netcoreapp3.1) (== netstandard2.0)
      System.Reflection.Emit (>= 4.3) - restriction: || (&& (== net471) (< net45)) (== netcoreapp3.0) (== netcoreapp3.1) (== netstandard2.0)
      System.Reflection.Emit.ILGeneration (>= 4.3) - restriction: || (&& (== net471) (< net45)) (== netcoreapp3.0) (== netcoreapp3.1) (== netstandard2.0)
      System.Reflection.Primitives (>= 4.3) - restriction: || (&& (== net471) (< net45)) (== netcoreapp3.0) (== netcoreapp3.1) (== netstandard2.0)
      System.Reflection.TypeExtensions (>= 4.3) - restriction: || (&& (== net471) (< net45)) (== netcoreapp3.0) (== netcoreapp3.1) (== netstandard2.0)
      System.Resources.ResourceManager (>= 4.3) - restriction: || (&& (== net471) (< net45)) (== netcoreapp3.0) (== netcoreapp3.1) (== netstandard2.0)
      System.Runtime (>= 4.3) - restriction: || (&& (== net471) (< net45)) (== netcoreapp3.0) (== netcoreapp3.1) (== netstandard2.0)
      System.Runtime.Extensions (>= 4.3) - restriction: || (&& (== net471) (< net45)) (== netcoreapp3.0) (== netcoreapp3.1) (== netstandard2.0)
      System.Threading (>= 4.3) - restriction: || (&& (== net471) (< net45)) (== netcoreapp3.0) (== netcoreapp3.1) (== netstandard2.0)
    System.Globalization (4.3) - restriction: || (&& (== net471) (< net45)) (== netcoreapp3.0) (== netcoreapp3.1) (== netstandard2.0)
      Microsoft.NETCore.Platforms (>= 1.1) - restriction: || (&& (== net471) (< net45)) (== netcoreapp3.0) (== netcoreapp3.1) (== netstandard2.0)
      Microsoft.NETCore.Targets (>= 1.1) - restriction: || (&& (== net471) (< net45)) (== netcoreapp3.0) (== netcoreapp3.1) (== netstandard2.0)
      System.Runtime (>= 4.3) - restriction: || (&& (== net471) (< net45)) (== netcoreapp3.0) (== netcoreapp3.1) (== netstandard2.0)
    System.Globalization.Calendars (4.3) - restriction: || (&& (== net471) (< net45)) (== netcoreapp3.0) (== netcoreapp3.1) (== netstandard2.0)
      Microsoft.NETCore.Platforms (>= 1.1) - restriction: || (&& (== net471) (< net46)) (== netcoreapp3.0) (== netcoreapp3.1) (== netstandard2.0)
      Microsoft.NETCore.Targets (>= 1.1) - restriction: || (&& (== net471) (< net46)) (== netcoreapp3.0) (== netcoreapp3.1) (== netstandard2.0)
      System.Globalization (>= 4.3) - restriction: || (&& (== net471) (< net46)) (== netcoreapp3.0) (== netcoreapp3.1) (== netstandard2.0)
      System.Runtime (>= 4.3) - restriction: || (&& (== net471) (< net46)) (== netcoreapp3.0) (== netcoreapp3.1) (== netstandard2.0)
    System.Globalization.Extensions (4.3) - restriction: || (&& (== net471) (< net45)) (== netcoreapp3.0) (== netcoreapp3.1) (== netstandard2.0)
      Microsoft.NETCore.Platforms (>= 1.1) - restriction: || (&& (== net471) (< net46)) (== netcoreapp3.0) (== netcoreapp3.1) (== netstandard2.0)
      System.Globalization (>= 4.3) - restriction: || (&& (== net471) (< net46)) (== netcoreapp3.0) (== netcoreapp3.1) (== netstandard2.0)
      System.Resources.ResourceManager (>= 4.3) - restriction: || (&& (== net471) (< net46)) (== netcoreapp3.0) (== netcoreapp3.1) (== netstandard2.0)
      System.Runtime (>= 4.3) - restriction: || (&& (== net471) (< net46)) (== netcoreapp3.0) (== netcoreapp3.1) (== netstandard2.0)
      System.Runtime.Extensions (>= 4.3) - restriction: || (&& (== net471) (< net46)) (== netcoreapp3.0) (== netcoreapp3.1) (== netstandard2.0)
      System.Runtime.InteropServices (>= 4.3) - restriction: || (&& (== net471) (< net46)) (== netcoreapp3.0) (== netcoreapp3.1) (== netstandard2.0)
    System.IO (4.3) - restriction: || (&& (== net471) (< net45)) (== netcoreapp3.0) (== netcoreapp3.1) (== netstandard2.0)
      Microsoft.NETCore.Platforms (>= 1.1) - restriction: || (&& (== net471) (< net45)) (== netcoreapp3.0) (== netcoreapp3.1) (== netstandard2.0)
      Microsoft.NETCore.Targets (>= 1.1) - restriction: || (&& (== net471) (< net45)) (== netcoreapp3.0) (== netcoreapp3.1) (== netstandard2.0)
      System.Runtime (>= 4.3) - restriction: || (&& (== net471) (< net45)) (== netcoreapp3.0) (== netcoreapp3.1) (== netstandard2.0)
      System.Text.Encoding (>= 4.3) - restriction: || (&& (== net471) (< net45)) (== netcoreapp3.0) (== netcoreapp3.1) (== netstandard2.0)
      System.Threading.Tasks (>= 4.3) - restriction: || (&& (== net471) (< net45)) (== netcoreapp3.0) (== netcoreapp3.1) (== netstandard2.0)
    System.IO.FileSystem (4.3) - restriction: || (&& (== net471) (< net45)) (== netcoreapp3.0) (== netcoreapp3.1) (== netstandard2.0)
      Microsoft.NETCore.Platforms (>= 1.1) - restriction: || (&& (== net471) (< net46)) (== netcoreapp3.0) (== netcoreapp3.1) (== netstandard2.0)
      Microsoft.NETCore.Targets (>= 1.1) - restriction: || (&& (== net471) (< net46)) (== netcoreapp3.0) (== netcoreapp3.1) (== netstandard2.0)
      System.IO (>= 4.3) - restriction: || (&& (== net471) (< net46)) (== netcoreapp3.0) (== netcoreapp3.1) (== netstandard2.0)
      System.IO.FileSystem.Primitives (>= 4.3)
      System.Runtime (>= 4.3) - restriction: || (&& (== net471) (< net46)) (== netcoreapp3.0) (== netcoreapp3.1) (== netstandard2.0)
      System.Runtime.Handles (>= 4.3) - restriction: || (&& (== net471) (< net46)) (== netcoreapp3.0) (== netcoreapp3.1) (== netstandard2.0)
      System.Text.Encoding (>= 4.3) - restriction: || (&& (== net471) (< net46)) (== netcoreapp3.0) (== netcoreapp3.1) (== netstandard2.0)
      System.Threading.Tasks (>= 4.3) - restriction: || (&& (== net471) (< net46)) (== netcoreapp3.0) (== netcoreapp3.1) (== netstandard2.0)
    System.IO.FileSystem.Primitives (4.3) - restriction: || (&& (== net471) (< net45)) (== netcoreapp3.0) (== netcoreapp3.1) (== netstandard2.0)
      System.Runtime (>= 4.3) - restriction: || (&& (== net471) (< net46)) (== netcoreapp3.0) (== netcoreapp3.1) (== netstandard2.0)
    System.Linq (4.3) - restriction: || (&& (== net471) (< net45)) (== netcoreapp3.0) (== netcoreapp3.1) (== netstandard2.0)
      System.Collections (>= 4.3) - restriction: || (&& (== net471) (< net45)) (== netcoreapp3.0) (== netcoreapp3.1) (== netstandard2.0)
      System.Diagnostics.Debug (>= 4.3) - restriction: || (&& (== net471) (< net45)) (== netcoreapp3.0) (== netcoreapp3.1) (== netstandard2.0)
      System.Resources.ResourceManager (>= 4.3) - restriction: || (&& (== net471) (< net45)) (== netcoreapp3.0) (== netcoreapp3.1) (== netstandard2.0)
      System.Runtime (>= 4.3) - restriction: || (&& (== net471) (< net45)) (== netcoreapp3.0) (== netcoreapp3.1) (== netstandard2.0)
      System.Runtime.Extensions (>= 4.3) - restriction: || (&& (== net471) (< net45)) (== netcoreapp3.0) (== netcoreapp3.1) (== netstandard2.0)
    System.Linq.Expressions (4.3) - restriction: || (&& (== net471) (< net45)) (== netcoreapp3.0) (== netcoreapp3.1) (== netstandard2.0)
      System.Collections (>= 4.3) - restriction: || (&& (== net471) (< net45)) (== netcoreapp3.0) (== netcoreapp3.1) (== netstandard2.0)
      System.Diagnostics.Debug (>= 4.3) - restriction: || (&& (== net471) (< net45)) (== netcoreapp3.0) (== netcoreapp3.1) (== netstandard2.0)
      System.Globalization (>= 4.3) - restriction: || (&& (== net471) (< net45)) (== netcoreapp3.0) (== netcoreapp3.1) (== netstandard2.0)
      System.IO (>= 4.3) - restriction: || (&& (== net471) (< net45)) (== netcoreapp3.0) (== netcoreapp3.1) (== netstandard2.0)
      System.Linq (>= 4.3) - restriction: || (&& (== net471) (< net45)) (== netcoreapp3.0) (== netcoreapp3.1) (== netstandard2.0)
      System.ObjectModel (>= 4.3) - restriction: || (&& (== net471) (< net45)) (== netcoreapp3.0) (== netcoreapp3.1) (== netstandard2.0)
      System.Reflection (>= 4.3) - restriction: || (&& (== net471) (< net45)) (== netcoreapp3.0) (== netcoreapp3.1) (== netstandard2.0)
      System.Reflection.Emit (>= 4.3) - restriction: || (&& (== net471) (< net45)) (== netcoreapp3.0) (== netcoreapp3.1) (== netstandard2.0)
      System.Reflection.Emit.ILGeneration (>= 4.3) - restriction: || (&& (== net471) (< net45)) (== netcoreapp3.0) (== netcoreapp3.1) (== netstandard2.0)
      System.Reflection.Emit.Lightweight (>= 4.3) - restriction: || (&& (== net471) (< net45)) (== netcoreapp3.0) (== netcoreapp3.1) (== netstandard2.0)
      System.Reflection.Extensions (>= 4.3) - restriction: || (&& (== net471) (< net45)) (== netcoreapp3.0) (== netcoreapp3.1) (== netstandard2.0)
      System.Reflection.Primitives (>= 4.3) - restriction: || (&& (== net471) (< net45)) (== netcoreapp3.0) (== netcoreapp3.1) (== netstandard2.0)
      System.Reflection.TypeExtensions (>= 4.3) - restriction: || (&& (== net471) (< net45)) (== netcoreapp3.0) (== netcoreapp3.1) (== netstandard2.0)
      System.Resources.ResourceManager (>= 4.3) - restriction: || (&& (== net471) (< net45)) (== netcoreapp3.0) (== netcoreapp3.1) (== netstandard2.0)
      System.Runtime (>= 4.3) - restriction: || (&& (== net471) (< net45)) (== netcoreapp3.0) (== netcoreapp3.1) (== netstandard2.0)
      System.Runtime.Extensions (>= 4.3) - restriction: || (&& (== net471) (< net45)) (== netcoreapp3.0) (== netcoreapp3.1) (== netstandard2.0)
      System.Threading (>= 4.3) - restriction: || (&& (== net471) (< net45)) (== netcoreapp3.0) (== netcoreapp3.1) (== netstandard2.0)
    System.Memory (4.5.3)
      System.Buffers (>= 4.4) - restriction: || (== net471) (&& (== netcoreapp3.0) (>= monotouch)) (&& (== netcoreapp3.0) (>= net461)) (&& (== netcoreapp3.0) (< netcoreapp2.0)) (&& (== netcoreapp3.0) (< netstandard1.1)) (&& (== netcoreapp3.0) (< netstandard2.0)) (&& (== netcoreapp3.0) (>= xamarinios)) (&& (== netcoreapp3.0) (>= xamarinmac)) (&& (== netcoreapp3.0) (>= xamarintvos)) (&& (== netcoreapp3.0) (>= xamarinwatchos)) (&& (== netcoreapp3.1) (>= monotouch)) (&& (== netcoreapp3.1) (>= net461)) (&& (== netcoreapp3.1) (< netcoreapp2.0)) (&& (== netcoreapp3.1) (< netstandard1.1)) (&& (== netcoreapp3.1) (< netstandard2.0)) (&& (== netcoreapp3.1) (>= xamarinios)) (&& (== netcoreapp3.1) (>= xamarinmac)) (&& (== netcoreapp3.1) (>= xamarintvos)) (&& (== netcoreapp3.1) (>= xamarinwatchos)) (== netstandard2.0)
      System.Numerics.Vectors (>= 4.4) - restriction: || (== net471) (&& (== netcoreapp3.0) (>= net461)) (&& (== netcoreapp3.0) (< netcoreapp2.0)) (&& (== netcoreapp3.1) (>= net461)) (&& (== netcoreapp3.1) (< netcoreapp2.0)) (== netstandard2.0)
      System.Runtime.CompilerServices.Unsafe (>= 4.5.2) - restriction: || (== net471) (&& (== netcoreapp3.0) (>= monotouch)) (&& (== netcoreapp3.0) (>= net461)) (&& (== netcoreapp3.0) (< netcoreapp2.0)) (&& (== netcoreapp3.0) (< netcoreapp2.1)) (&& (== netcoreapp3.0) (< netstandard1.1)) (&& (== netcoreapp3.0) (< netstandard2.0)) (&& (== netcoreapp3.0) (>= uap10.1)) (&& (== netcoreapp3.0) (>= xamarinios)) (&& (== netcoreapp3.0) (>= xamarinmac)) (&& (== netcoreapp3.0) (>= xamarintvos)) (&& (== netcoreapp3.0) (>= xamarinwatchos)) (&& (== netcoreapp3.1) (>= monotouch)) (&& (== netcoreapp3.1) (>= net461)) (&& (== netcoreapp3.1) (< netcoreapp2.0)) (&& (== netcoreapp3.1) (< netcoreapp2.1)) (&& (== netcoreapp3.1) (< netstandard1.1)) (&& (== netcoreapp3.1) (< netstandard2.0)) (&& (== netcoreapp3.1) (>= uap10.1)) (&& (== netcoreapp3.1) (>= xamarinios)) (&& (== netcoreapp3.1) (>= xamarinmac)) (&& (== netcoreapp3.1) (>= xamarintvos)) (&& (== netcoreapp3.1) (>= xamarinwatchos)) (== netstandard2.0)
    System.Net.Http (4.3.4) - restriction: || (&& (== net471) (< net45)) (== netcoreapp3.0) (== netcoreapp3.1) (== netstandard2.0)
      Microsoft.NETCore.Platforms (>= 1.1.1) - restriction: || (&& (== net471) (< net45)) (== netcoreapp3.0) (== netcoreapp3.1) (== netstandard2.0)
      runtime.native.System (>= 4.3) - restriction: || (&& (== net471) (< net45)) (== netcoreapp3.0) (== netcoreapp3.1) (== netstandard2.0)
      runtime.native.System.Net.Http (>= 4.3) - restriction: || (&& (== net471) (< net45)) (== netcoreapp3.0) (== netcoreapp3.1) (== netstandard2.0)
      runtime.native.System.Security.Cryptography.OpenSsl (>= 4.3.2) - restriction: || (&& (== net471) (< net45)) (== netcoreapp3.0) (== netcoreapp3.1) (== netstandard2.0)
      System.Collections (>= 4.3) - restriction: || (&& (== net471) (< net45)) (== netcoreapp3.0) (== netcoreapp3.1) (== netstandard2.0)
      System.Diagnostics.Debug (>= 4.3) - restriction: || (&& (== net471) (< net45)) (== netcoreapp3.0) (== netcoreapp3.1) (== netstandard2.0)
      System.Diagnostics.DiagnosticSource (>= 4.3) - restriction: || (&& (== net471) (< net45)) (== netcoreapp3.0) (== netcoreapp3.1) (== netstandard2.0)
      System.Diagnostics.Tracing (>= 4.3) - restriction: || (&& (== net471) (< net45)) (== netcoreapp3.0) (== netcoreapp3.1) (== netstandard2.0)
      System.Globalization (>= 4.3) - restriction: || (&& (== net471) (< net45)) (== netcoreapp3.0) (== netcoreapp3.1) (== netstandard2.0)
      System.Globalization.Extensions (>= 4.3) - restriction: || (&& (== net471) (< net45)) (== netcoreapp3.0) (== netcoreapp3.1) (== netstandard2.0)
      System.IO (>= 4.3) - restriction: || (&& (== net471) (< net45)) (== netcoreapp3.0) (== netcoreapp3.1) (== netstandard2.0)
      System.IO.FileSystem (>= 4.3) - restriction: || (&& (== net471) (< net45)) (== netcoreapp3.0) (== netcoreapp3.1) (== netstandard2.0)
      System.Net.Primitives (>= 4.3) - restriction: || (&& (== net471) (< net45)) (== netcoreapp3.0) (== netcoreapp3.1) (== netstandard2.0)
      System.Resources.ResourceManager (>= 4.3) - restriction: || (&& (== net471) (< net45)) (== netcoreapp3.0) (== netcoreapp3.1) (== netstandard2.0)
      System.Runtime (>= 4.3) - restriction: || (&& (== net471) (< net45)) (== netcoreapp3.0) (== netcoreapp3.1) (== netstandard2.0)
      System.Runtime.Extensions (>= 4.3) - restriction: || (&& (== net471) (< net45)) (== netcoreapp3.0) (== netcoreapp3.1) (== netstandard2.0)
      System.Runtime.Handles (>= 4.3) - restriction: || (&& (== net471) (< net45)) (== netcoreapp3.0) (== netcoreapp3.1) (== netstandard2.0)
      System.Runtime.InteropServices (>= 4.3) - restriction: || (&& (== net471) (< net45)) (== netcoreapp3.0) (== netcoreapp3.1) (== netstandard2.0)
      System.Security.Cryptography.Algorithms (>= 4.3) - restriction: || (&& (== net471) (< net45)) (== netcoreapp3.0) (== netcoreapp3.1) (== netstandard2.0)
      System.Security.Cryptography.Encoding (>= 4.3) - restriction: || (&& (== net471) (< net45)) (== netcoreapp3.0) (== netcoreapp3.1) (== netstandard2.0)
      System.Security.Cryptography.OpenSsl (>= 4.3) - restriction: || (&& (== net471) (< net45)) (== netcoreapp3.0) (== netcoreapp3.1) (== netstandard2.0)
      System.Security.Cryptography.Primitives (>= 4.3) - restriction: || (&& (== net471) (< net45)) (== netcoreapp3.0) (== netcoreapp3.1) (== netstandard2.0)
      System.Security.Cryptography.X509Certificates (>= 4.3)
      System.Text.Encoding (>= 4.3) - restriction: || (&& (== net471) (< net45)) (== netcoreapp3.0) (== netcoreapp3.1) (== netstandard2.0)
      System.Threading (>= 4.3) - restriction: || (&& (== net471) (< net45)) (== netcoreapp3.0) (== netcoreapp3.1) (== netstandard2.0)
      System.Threading.Tasks (>= 4.3) - restriction: || (&& (== net471) (< net45)) (== netcoreapp3.0) (== netcoreapp3.1) (== netstandard2.0)
    System.Net.Primitives (4.3.1) - restriction: || (&& (== net471) (< net45)) (== netcoreapp3.0) (== netcoreapp3.1) (== netstandard2.0)
      Microsoft.NETCore.Platforms (>= 1.1.1) - restriction: || (&& (== net471) (< net45)) (&& (== net471) (< netstandard1.1)) (== netcoreapp3.0) (== netcoreapp3.1) (== netstandard2.0)
      Microsoft.NETCore.Targets (>= 1.1.3) - restriction: || (&& (== net471) (< net45)) (&& (== net471) (< netstandard1.1)) (== netcoreapp3.0) (== netcoreapp3.1) (== netstandard2.0)
      System.Runtime (>= 4.3.1) - restriction: || (&& (== net471) (< net45)) (&& (== net471) (< netstandard1.1)) (== netcoreapp3.0) (== netcoreapp3.1) (== netstandard2.0)
      System.Runtime.Handles (>= 4.3) - restriction: || (&& (== net471) (< net45)) (== netcoreapp3.0) (== netcoreapp3.1) (== netstandard2.0)
    System.Net.Requests (4.3) - restriction: || (&& (== net471) (< net45)) (== netcoreapp3.0) (== netcoreapp3.1) (== netstandard2.0)
      Microsoft.NETCore.Platforms (>= 1.1) - restriction: || (&& (== net471) (< net45)) (== netcoreapp3.0) (== netcoreapp3.1) (== netstandard2.0)
      System.Collections (>= 4.3) - restriction: || (&& (== net471) (< net45)) (== netcoreapp3.0) (== netcoreapp3.1) (== netstandard2.0)
      System.Diagnostics.Debug (>= 4.3) - restriction: || (&& (== net471) (< net45)) (== netcoreapp3.0) (== netcoreapp3.1) (== netstandard2.0)
      System.Diagnostics.Tracing (>= 4.3) - restriction: || (&& (== net471) (< net45)) (== netcoreapp3.0) (== netcoreapp3.1) (== netstandard2.0)
      System.Globalization (>= 4.3) - restriction: || (&& (== net471) (< net45)) (== netcoreapp3.0) (== netcoreapp3.1) (== netstandard2.0)
      System.IO (>= 4.3) - restriction: || (&& (== net471) (< net45)) (&& (== net471) (< netstandard1.1)) (== netcoreapp3.0) (== netcoreapp3.1) (== netstandard2.0)
      System.Net.Http (>= 4.3) - restriction: || (&& (== net471) (< net45)) (== netcoreapp3.0) (== netcoreapp3.1) (== netstandard2.0)
      System.Net.Primitives (>= 4.3) - restriction: || (&& (== net471) (< net45)) (&& (== net471) (< netstandard1.1)) (== netcoreapp3.0) (== netcoreapp3.1) (== netstandard2.0)
      System.Net.WebHeaderCollection (>= 4.3) - restriction: || (&& (== net471) (< net45)) (== netcoreapp3.0) (== netcoreapp3.1) (== netstandard2.0)
      System.Resources.ResourceManager (>= 4.3) - restriction: || (&& (== net471) (< net45)) (== netcoreapp3.0) (== netcoreapp3.1) (== netstandard2.0)
      System.Runtime (>= 4.3) - restriction: || (&& (== net471) (< net45)) (&& (== net471) (< netstandard1.1)) (== netcoreapp3.0) (== netcoreapp3.1) (== netstandard2.0)
      System.Threading (>= 4.3) - restriction: || (&& (== net471) (< net45)) (== netcoreapp3.0) (== netcoreapp3.1) (== netstandard2.0)
      System.Threading.Tasks (>= 4.3) - restriction: || (&& (== net471) (< net45)) (== netcoreapp3.0) (== netcoreapp3.1) (== netstandard2.0)
    System.Net.WebHeaderCollection (4.3) - restriction: || (&& (== net471) (< net45)) (== netcoreapp3.0) (== netcoreapp3.1) (== netstandard2.0)
      System.Collections (>= 4.3) - restriction: || (&& (== net471) (< net46)) (== netcoreapp3.0) (== netcoreapp3.1) (== netstandard2.0)
      System.Resources.ResourceManager (>= 4.3) - restriction: || (&& (== net471) (< net46)) (== netcoreapp3.0) (== netcoreapp3.1) (== netstandard2.0)
      System.Runtime (>= 4.3) - restriction: || (&& (== net471) (< net46)) (== netcoreapp3.0) (== netcoreapp3.1) (== netstandard2.0)
      System.Runtime.Extensions (>= 4.3) - restriction: || (&& (== net471) (< net46)) (== netcoreapp3.0) (== netcoreapp3.1) (== netstandard2.0)
    System.Numerics.Vectors (4.5)
    System.ObjectModel (4.3) - restriction: || (&& (== net471) (< net45)) (== netcoreapp3.0) (== netcoreapp3.1) (== netstandard2.0)
      System.Collections (>= 4.3) - restriction: || (&& (== net471) (< net45)) (== netcoreapp3.0) (== netcoreapp3.1) (== netstandard2.0)
      System.Diagnostics.Debug (>= 4.3) - restriction: || (&& (== net471) (< net45)) (== netcoreapp3.0) (== netcoreapp3.1) (== netstandard2.0)
      System.Resources.ResourceManager (>= 4.3) - restriction: || (&& (== net471) (< net45)) (== netcoreapp3.0) (== netcoreapp3.1) (== netstandard2.0)
      System.Runtime (>= 4.3) - restriction: || (&& (== net471) (< net45)) (== netcoreapp3.0) (== netcoreapp3.1) (== netstandard2.0)
      System.Threading (>= 4.3) - restriction: || (&& (== net471) (< net45)) (== netcoreapp3.0) (== netcoreapp3.1) (== netstandard2.0)
    System.Reactive (4.1.6)
      System.Runtime.InteropServices.WindowsRuntime (>= 4.3) - restriction: || (&& (== net471) (< net46)) (== netcoreapp3.0) (== netcoreapp3.1) (== netstandard2.0)
      System.Threading.Tasks.Extensions (>= 4.5.2)
      System.ValueTuple (>= 4.5) - restriction: || (== net471) (&& (== netcoreapp3.0) (>= net46)) (&& (== netcoreapp3.0) (>= uap10.0)) (&& (== netcoreapp3.1) (>= net46)) (&& (== netcoreapp3.1) (>= uap10.0)) (&& (== netstandard2.0) (>= net46)) (&& (== netstandard2.0) (>= uap10.0))
    System.Reflection (4.3) - restriction: || (&& (== net471) (< net45)) (== netcoreapp3.0) (== netcoreapp3.1) (== netstandard2.0)
      Microsoft.NETCore.Platforms (>= 1.1) - restriction: || (&& (== net471) (< net45)) (== netcoreapp3.0) (== netcoreapp3.1) (== netstandard2.0)
      Microsoft.NETCore.Targets (>= 1.1) - restriction: || (&& (== net471) (< net45)) (== netcoreapp3.0) (== netcoreapp3.1) (== netstandard2.0)
      System.IO (>= 4.3) - restriction: || (&& (== net471) (< net45)) (== netcoreapp3.0) (== netcoreapp3.1) (== netstandard2.0)
      System.Reflection.Primitives (>= 4.3) - restriction: || (&& (== net471) (< net45)) (== netcoreapp3.0) (== netcoreapp3.1) (== netstandard2.0)
      System.Runtime (>= 4.3) - restriction: || (&& (== net471) (< net45)) (== netcoreapp3.0) (== netcoreapp3.1) (== netstandard2.0)
    System.Reflection.Emit (4.7)
      System.Reflection.Emit.ILGeneration (>= 4.7) - restriction: || (&& (== net471) (< net45)) (&& (== net471) (< netstandard1.1)) (&& (== net471) (< netstandard2.0) (>= wpa81)) (&& (== net471) (>= uap10.1)) (&& (== netcoreapp3.0) (< netcoreapp2.0) (< netstandard2.1)) (&& (== netcoreapp3.0) (< netstandard1.1)) (&& (== netcoreapp3.0) (< netstandard2.0)) (&& (== netcoreapp3.0) (>= uap10.1)) (&& (== netcoreapp3.1) (< netcoreapp2.0) (< netstandard2.1)) (&& (== netcoreapp3.1) (< netstandard1.1)) (&& (== netcoreapp3.1) (< netstandard2.0)) (&& (== netcoreapp3.1) (>= uap10.1)) (== netstandard2.0)
    System.Reflection.Emit.ILGeneration (4.7)
    System.Reflection.Emit.Lightweight (4.6)
      System.Reflection.Emit.ILGeneration (>= 4.6) - restriction: || (&& (== net471) (< net45)) (&& (== net471) (< netstandard2.0) (>= wpa81)) (&& (== net471) (< portable-net45+wp8)) (&& (== net471) (>= uap10.1)) (&& (== netcoreapp3.0) (< netcoreapp2.0) (< netstandard2.1)) (&& (== netcoreapp3.0) (< netstandard2.0)) (&& (== netcoreapp3.0) (< portable-net45+wp8)) (&& (== netcoreapp3.0) (>= uap10.1)) (&& (== netcoreapp3.1) (< netcoreapp2.0) (< netstandard2.1)) (&& (== netcoreapp3.1) (< netstandard2.0)) (&& (== netcoreapp3.1) (< portable-net45+wp8)) (&& (== netcoreapp3.1) (>= uap10.1)) (== netstandard2.0)
    System.Reflection.Extensions (4.3) - restriction: || (&& (== net471) (< net45)) (== netcoreapp3.0) (== netcoreapp3.1) (== netstandard2.0)
      Microsoft.NETCore.Platforms (>= 1.1) - restriction: || (&& (== net471) (< net45)) (== netcoreapp3.0) (== netcoreapp3.1) (== netstandard2.0)
      Microsoft.NETCore.Targets (>= 1.1) - restriction: || (&& (== net471) (< net45)) (== netcoreapp3.0) (== netcoreapp3.1) (== netstandard2.0)
      System.Reflection (>= 4.3) - restriction: || (&& (== net471) (< net45)) (== netcoreapp3.0) (== netcoreapp3.1) (== netstandard2.0)
      System.Runtime (>= 4.3) - restriction: || (&& (== net471) (< net45)) (== netcoreapp3.0) (== netcoreapp3.1) (== netstandard2.0)
    System.Reflection.Metadata (1.8)
      System.Collections.Immutable (>= 1.7) - restriction: || (== net471) (== netcoreapp3.0) (&& (== netcoreapp3.1) (>= net45)) (&& (== netcoreapp3.1) (< netstandard1.1)) (&& (== netcoreapp3.1) (< netstandard2.0)) (== netstandard2.0)
    System.Reflection.Primitives (4.3) - restriction: || (&& (== net471) (< net45)) (== netcoreapp3.0) (== netcoreapp3.1) (== netstandard2.0)
      Microsoft.NETCore.Platforms (>= 1.1) - restriction: || (&& (== net471) (< net45)) (== netcoreapp3.0) (== netcoreapp3.1) (== netstandard2.0)
      Microsoft.NETCore.Targets (>= 1.1) - restriction: || (&& (== net471) (< net45)) (== netcoreapp3.0) (== netcoreapp3.1) (== netstandard2.0)
      System.Runtime (>= 4.3) - restriction: || (&& (== net471) (< net45)) (== netcoreapp3.0) (== netcoreapp3.1) (== netstandard2.0)
    System.Reflection.TypeExtensions (4.7) - restriction: || (&& (== net471) (< net461)) (== netcoreapp3.0) (== netcoreapp3.1) (== netstandard2.0)
    System.Resources.ResourceManager (4.3) - restriction: || (&& (== net471) (< net45)) (== netcoreapp3.0) (== netcoreapp3.1) (== netstandard2.0)
      Microsoft.NETCore.Platforms (>= 1.1) - restriction: || (&& (== net471) (< net45)) (== netcoreapp3.0) (== netcoreapp3.1) (== netstandard2.0)
      Microsoft.NETCore.Targets (>= 1.1) - restriction: || (&& (== net471) (< net45)) (== netcoreapp3.0) (== netcoreapp3.1) (== netstandard2.0)
      System.Globalization (>= 4.3) - restriction: || (&& (== net471) (< net45)) (== netcoreapp3.0) (== netcoreapp3.1) (== netstandard2.0)
      System.Reflection (>= 4.3) - restriction: || (&& (== net471) (< net45)) (== netcoreapp3.0) (== netcoreapp3.1) (== netstandard2.0)
      System.Runtime (>= 4.3) - restriction: || (&& (== net471) (< net45)) (== netcoreapp3.0) (== netcoreapp3.1) (== netstandard2.0)
    System.Runtime (4.3.1) - restriction: || (&& (== net471) (< net45)) (== netcoreapp3.0) (== netcoreapp3.1) (== netstandard2.0)
      Microsoft.NETCore.Platforms (>= 1.1.1) - restriction: || (&& (== net471) (< net45)) (== netcoreapp3.0) (== netcoreapp3.1) (== netstandard2.0)
      Microsoft.NETCore.Targets (>= 1.1.3) - restriction: || (&& (== net471) (< net45)) (== netcoreapp3.0) (== netcoreapp3.1) (== netstandard2.0)
    System.Runtime.CompilerServices.Unsafe (4.7)
    System.Runtime.Extensions (4.3.1) - restriction: || (&& (== net471) (< net45)) (== netcoreapp3.0) (== netcoreapp3.1) (== netstandard2.0)
      Microsoft.NETCore.Platforms (>= 1.1.1) - restriction: || (&& (== net471) (< net45)) (== netcoreapp3.0) (== netcoreapp3.1) (== netstandard2.0)
      Microsoft.NETCore.Targets (>= 1.1.3) - restriction: || (&& (== net471) (< net45)) (== netcoreapp3.0) (== netcoreapp3.1) (== netstandard2.0)
      System.Runtime (>= 4.3.1) - restriction: || (&& (== net471) (< net45)) (== netcoreapp3.0) (== netcoreapp3.1) (== netstandard2.0)
    System.Runtime.Handles (4.3) - restriction: || (&& (== net471) (< net45)) (== netcoreapp3.0) (== netcoreapp3.1) (== netstandard2.0)
      Microsoft.NETCore.Platforms (>= 1.1) - restriction: || (&& (== net471) (< net46)) (== netcoreapp3.0) (== netcoreapp3.1) (== netstandard2.0)
      Microsoft.NETCore.Targets (>= 1.1) - restriction: || (&& (== net471) (< net46)) (== netcoreapp3.0) (== netcoreapp3.1) (== netstandard2.0)
      System.Runtime (>= 4.3) - restriction: || (&& (== net471) (< net46)) (== netcoreapp3.0) (== netcoreapp3.1) (== netstandard2.0)
    System.Runtime.InteropServices (4.3) - restriction: || (&& (== net471) (< net45)) (== netcoreapp3.0) (== netcoreapp3.1) (== netstandard2.0)
      Microsoft.NETCore.Platforms (>= 1.1) - restriction: || (&& (== net471) (< net45)) (&& (== net471) (>= netcoreapp1.1)) (== netcoreapp3.0) (== netcoreapp3.1) (== netstandard2.0)
      Microsoft.NETCore.Targets (>= 1.1) - restriction: || (&& (== net471) (< net45)) (&& (== net471) (>= netcoreapp1.1)) (== netcoreapp3.0) (== netcoreapp3.1) (== netstandard2.0)
      System.Reflection (>= 4.3) - restriction: || (&& (== net471) (< net45)) (&& (== net471) (>= netcoreapp1.1)) (== netcoreapp3.0) (== netcoreapp3.1) (== netstandard2.0)
      System.Reflection.Primitives (>= 4.3) - restriction: || (&& (== net471) (< net45)) (&& (== net471) (>= netcoreapp1.1)) (== netcoreapp3.0) (== netcoreapp3.1) (== netstandard2.0)
      System.Runtime (>= 4.3)
      System.Runtime.Handles (>= 4.3) - restriction: || (&& (== net471) (< net45)) (&& (== net471) (>= netcoreapp1.1)) (== netcoreapp3.0) (== netcoreapp3.1) (== netstandard2.0)
    System.Runtime.InteropServices.RuntimeInformation (4.3) - restriction: || (== net471) (&& (== netcoreapp3.0) (>= net45)) (&& (== netcoreapp3.0) (< netstandard2.0)) (&& (== netcoreapp3.1) (>= net45)) (&& (== netcoreapp3.1) (< netstandard2.0)) (&& (== netstandard2.0) (>= net45))
    System.Runtime.InteropServices.WindowsRuntime (4.3) - restriction: || (&& (== net471) (< net46)) (== netcoreapp3.0) (== netcoreapp3.1) (== netstandard2.0)
      System.Runtime (>= 4.3) - restriction: || (&& (== net471) (< net45)) (== netcoreapp3.0) (== netcoreapp3.1) (== netstandard2.0)
    System.Runtime.Loader (4.3) - restriction: || (&& (== net471) (< net20)) (== netcoreapp3.0) (== netcoreapp3.1) (== netstandard2.0)
      System.IO (>= 4.3) - restriction: || (&& (== net471) (< net462)) (== netcoreapp3.0) (== netcoreapp3.1) (== netstandard2.0)
      System.Reflection (>= 4.3) - restriction: || (&& (== net471) (< net462)) (== netcoreapp3.0) (== netcoreapp3.1) (== netstandard2.0)
      System.Runtime (>= 4.3) - restriction: || (&& (== net471) (< net462)) (== netcoreapp3.0) (== netcoreapp3.1) (== netstandard2.0)
    System.Runtime.Numerics (4.3) - restriction: || (&& (== net471) (< net46)) (== netcoreapp3.0) (== netcoreapp3.1) (== netstandard2.0)
      System.Globalization (>= 4.3) - restriction: || (&& (== net471) (< net45)) (== netcoreapp3.0) (== netcoreapp3.1) (== netstandard2.0)
      System.Resources.ResourceManager (>= 4.3) - restriction: || (&& (== net471) (< net45)) (== netcoreapp3.0) (== netcoreapp3.1) (== netstandard2.0)
      System.Runtime (>= 4.3) - restriction: || (&& (== net471) (< net45)) (== netcoreapp3.0) (== netcoreapp3.1) (== netstandard2.0)
      System.Runtime.Extensions (>= 4.3) - restriction: || (&& (== net471) (< net45)) (== netcoreapp3.0) (== netcoreapp3.1) (== netstandard2.0)
    System.Security.AccessControl (4.7) - restriction: || (&& (== net471) (>= monoandroid) (< netstandard2.0)) (&& (== net471) (>= monotouch)) (&& (== net471) (< net46)) (&& (== net471) (>= netcoreapp2.0)) (&& (== net471) (>= xamarinios)) (&& (== net471) (>= xamarinmac)) (&& (== net471) (>= xamarintvos)) (&& (== net471) (>= xamarinwatchos)) (== netcoreapp3.0) (== netcoreapp3.1) (== netstandard2.0)
      Microsoft.NETCore.Platforms (>= 3.1) - restriction: || (&& (== net471) (>= netcoreapp2.0)) (== netcoreapp3.0) (== netcoreapp3.1) (&& (== netstandard2.0) (>= netcoreapp2.0))
      System.Security.Principal.Windows (>= 4.7)
    System.Security.Cryptography.Algorithms (4.3.1) - restriction: || (&& (== net471) (< net461)) (== netcoreapp3.0) (== netcoreapp3.1) (== netstandard2.0)
      Microsoft.NETCore.Platforms (>= 1.1) - restriction: || (&& (== net471) (< net46)) (== netcoreapp3.0) (== netcoreapp3.1) (== netstandard2.0)
      runtime.native.System.Security.Cryptography.Apple (>= 4.3.1) - restriction: || (&& (== net471) (< net46)) (== netcoreapp3.0) (== netcoreapp3.1) (== netstandard2.0)
      runtime.native.System.Security.Cryptography.OpenSsl (>= 4.3.2) - restriction: || (&& (== net471) (< net46)) (== netcoreapp3.0) (== netcoreapp3.1) (== netstandard2.0)
      System.Collections (>= 4.3) - restriction: || (&& (== net471) (< net46)) (== netcoreapp3.0) (== netcoreapp3.1) (== netstandard2.0)
      System.IO (>= 4.3)
      System.Resources.ResourceManager (>= 4.3) - restriction: || (&& (== net471) (< net46)) (== netcoreapp3.0) (== netcoreapp3.1) (== netstandard2.0)
      System.Runtime (>= 4.3)
      System.Runtime.Extensions (>= 4.3) - restriction: || (&& (== net471) (< net46)) (== netcoreapp3.0) (== netcoreapp3.1) (== netstandard2.0)
      System.Runtime.Handles (>= 4.3) - restriction: || (&& (== net471) (< net46)) (== netcoreapp3.0) (== netcoreapp3.1) (== netstandard2.0)
      System.Runtime.InteropServices (>= 4.3) - restriction: || (&& (== net471) (< net46)) (== netcoreapp3.0) (== netcoreapp3.1) (== netstandard2.0)
      System.Runtime.Numerics (>= 4.3) - restriction: || (&& (== net471) (< net46)) (== netcoreapp3.0) (== netcoreapp3.1) (== netstandard2.0)
      System.Security.Cryptography.Encoding (>= 4.3)
      System.Security.Cryptography.Primitives (>= 4.3)
      System.Text.Encoding (>= 4.3) - restriction: || (&& (== net471) (< net46)) (== netcoreapp3.0) (== netcoreapp3.1) (== netstandard2.0)
    System.Security.Cryptography.Cng (4.7) - restriction: || (&& (== net471) (< net45)) (== netcoreapp3.0) (== netcoreapp3.1) (== netstandard2.0)
    System.Security.Cryptography.Csp (4.3) - restriction: || (&& (== net471) (< net45)) (== netcoreapp3.0) (== netcoreapp3.1) (== netstandard2.0)
      Microsoft.NETCore.Platforms (>= 1.1) - restriction: || (&& (== net471) (< net46)) (== netcoreapp3.0) (== netcoreapp3.1) (== netstandard2.0)
      System.IO (>= 4.3) - restriction: || (&& (== net471) (< net46)) (== netcoreapp3.0) (== netcoreapp3.1) (== netstandard2.0)
      System.Reflection (>= 4.3) - restriction: || (&& (== net471) (< net46)) (== netcoreapp3.0) (== netcoreapp3.1) (== netstandard2.0)
      System.Resources.ResourceManager (>= 4.3) - restriction: || (&& (== net471) (< net46)) (== netcoreapp3.0) (== netcoreapp3.1) (== netstandard2.0)
      System.Runtime (>= 4.3) - restriction: || (&& (== net471) (< net46)) (== netcoreapp3.0) (== netcoreapp3.1) (== netstandard2.0)
      System.Runtime.Extensions (>= 4.3) - restriction: || (&& (== net471) (< net46)) (== netcoreapp3.0) (== netcoreapp3.1) (== netstandard2.0)
      System.Runtime.Handles (>= 4.3) - restriction: || (&& (== net471) (< net46)) (== netcoreapp3.0) (== netcoreapp3.1) (== netstandard2.0)
      System.Runtime.InteropServices (>= 4.3) - restriction: || (&& (== net471) (< net46)) (== netcoreapp3.0) (== netcoreapp3.1) (== netstandard2.0)
      System.Security.Cryptography.Algorithms (>= 4.3)
      System.Security.Cryptography.Encoding (>= 4.3) - restriction: || (&& (== net471) (< net46)) (== netcoreapp3.0) (== netcoreapp3.1) (== netstandard2.0)
      System.Security.Cryptography.Primitives (>= 4.3)
      System.Text.Encoding (>= 4.3) - restriction: || (&& (== net471) (< net46)) (== netcoreapp3.0) (== netcoreapp3.1) (== netstandard2.0)
      System.Threading (>= 4.3) - restriction: || (&& (== net471) (< net46)) (== netcoreapp3.0) (== netcoreapp3.1) (== netstandard2.0)
    System.Security.Cryptography.Encoding (4.3) - restriction: || (&& (== net471) (< net45)) (== netcoreapp3.0) (== netcoreapp3.1) (== netstandard2.0)
      Microsoft.NETCore.Platforms (>= 1.1) - restriction: || (&& (== net471) (< net46)) (== netcoreapp3.0) (== netcoreapp3.1) (== netstandard2.0)
      runtime.native.System.Security.Cryptography.OpenSsl (>= 4.3) - restriction: || (&& (== net471) (< net46)) (== netcoreapp3.0) (== netcoreapp3.1) (== netstandard2.0)
      System.Collections (>= 4.3) - restriction: || (&& (== net471) (< net46)) (== netcoreapp3.0) (== netcoreapp3.1) (== netstandard2.0)
      System.Collections.Concurrent (>= 4.3) - restriction: || (&& (== net471) (< net46)) (== netcoreapp3.0) (== netcoreapp3.1) (== netstandard2.0)
      System.Linq (>= 4.3) - restriction: || (&& (== net471) (< net46)) (== netcoreapp3.0) (== netcoreapp3.1) (== netstandard2.0)
      System.Resources.ResourceManager (>= 4.3) - restriction: || (&& (== net471) (< net46)) (== netcoreapp3.0) (== netcoreapp3.1) (== netstandard2.0)
      System.Runtime (>= 4.3) - restriction: || (&& (== net471) (< net46)) (== netcoreapp3.0) (== netcoreapp3.1) (== netstandard2.0)
      System.Runtime.Extensions (>= 4.3) - restriction: || (&& (== net471) (< net46)) (== netcoreapp3.0) (== netcoreapp3.1) (== netstandard2.0)
      System.Runtime.Handles (>= 4.3) - restriction: || (&& (== net471) (< net46)) (== netcoreapp3.0) (== netcoreapp3.1) (== netstandard2.0)
      System.Runtime.InteropServices (>= 4.3) - restriction: || (&& (== net471) (< net46)) (== netcoreapp3.0) (== netcoreapp3.1) (== netstandard2.0)
      System.Security.Cryptography.Primitives (>= 4.3) - restriction: || (&& (== net471) (< net46)) (== netcoreapp3.0) (== netcoreapp3.1) (== netstandard2.0)
      System.Text.Encoding (>= 4.3) - restriction: || (&& (== net471) (< net46)) (== netcoreapp3.0) (== netcoreapp3.1) (== netstandard2.0)
    System.Security.Cryptography.OpenSsl (4.7) - restriction: || (&& (== net471) (< net45)) (== netcoreapp3.0) (== netcoreapp3.1) (== netstandard2.0)
    System.Security.Cryptography.Primitives (4.3) - restriction: || (&& (== net471) (< net45)) (== netcoreapp3.0) (== netcoreapp3.1) (== netstandard2.0)
      System.Diagnostics.Debug (>= 4.3) - restriction: || (&& (== net471) (< net46)) (== netcoreapp3.0) (== netcoreapp3.1) (== netstandard2.0)
      System.Globalization (>= 4.3) - restriction: || (&& (== net471) (< net46)) (== netcoreapp3.0) (== netcoreapp3.1) (== netstandard2.0)
      System.IO (>= 4.3) - restriction: || (&& (== net471) (< net46)) (== netcoreapp3.0) (== netcoreapp3.1) (== netstandard2.0)
      System.Resources.ResourceManager (>= 4.3) - restriction: || (&& (== net471) (< net46)) (== netcoreapp3.0) (== netcoreapp3.1) (== netstandard2.0)
      System.Runtime (>= 4.3) - restriction: || (&& (== net471) (< net46)) (== netcoreapp3.0) (== netcoreapp3.1) (== netstandard2.0)
      System.Threading (>= 4.3) - restriction: || (&& (== net471) (< net46)) (== netcoreapp3.0) (== netcoreapp3.1) (== netstandard2.0)
      System.Threading.Tasks (>= 4.3) - restriction: || (&& (== net471) (< net46)) (== netcoreapp3.0) (== netcoreapp3.1) (== netstandard2.0)
    System.Security.Cryptography.X509Certificates (4.3.2) - restriction: || (&& (== net471) (< net45)) (== netcoreapp3.0) (== netcoreapp3.1) (== netstandard2.0)
      Microsoft.NETCore.Platforms (>= 1.1) - restriction: || (&& (== net471) (< net46)) (== netcoreapp3.0) (== netcoreapp3.1) (== netstandard2.0)
      runtime.native.System (>= 4.3) - restriction: || (&& (== net471) (< net46)) (== netcoreapp3.0) (== netcoreapp3.1) (== netstandard2.0)
      runtime.native.System.Net.Http (>= 4.3) - restriction: || (&& (== net471) (< net46)) (== netcoreapp3.0) (== netcoreapp3.1) (== netstandard2.0)
      runtime.native.System.Security.Cryptography.OpenSsl (>= 4.3.2) - restriction: || (&& (== net471) (< net46)) (== netcoreapp3.0) (== netcoreapp3.1) (== netstandard2.0)
      System.Collections (>= 4.3) - restriction: || (&& (== net471) (< net46)) (== netcoreapp3.0) (== netcoreapp3.1) (== netstandard2.0)
      System.Diagnostics.Debug (>= 4.3) - restriction: || (&& (== net471) (< net46)) (== netcoreapp3.0) (== netcoreapp3.1) (== netstandard2.0)
      System.Globalization (>= 4.3) - restriction: || (&& (== net471) (< net46)) (== netcoreapp3.0) (== netcoreapp3.1) (== netstandard2.0)
      System.Globalization.Calendars (>= 4.3) - restriction: || (&& (== net471) (< net46)) (== netcoreapp3.0) (== netcoreapp3.1) (== netstandard2.0)
      System.IO (>= 4.3) - restriction: || (&& (== net471) (< net46)) (== netcoreapp3.0) (== netcoreapp3.1) (== netstandard2.0)
      System.IO.FileSystem (>= 4.3) - restriction: || (&& (== net471) (< net46)) (== netcoreapp3.0) (== netcoreapp3.1) (== netstandard2.0)
      System.IO.FileSystem.Primitives (>= 4.3) - restriction: || (&& (== net471) (< net46)) (== netcoreapp3.0) (== netcoreapp3.1) (== netstandard2.0)
      System.Resources.ResourceManager (>= 4.3) - restriction: || (&& (== net471) (< net46)) (== netcoreapp3.0) (== netcoreapp3.1) (== netstandard2.0)
      System.Runtime (>= 4.3) - restriction: || (&& (== net471) (< net46)) (== netcoreapp3.0) (== netcoreapp3.1) (== netstandard2.0)
      System.Runtime.Extensions (>= 4.3) - restriction: || (&& (== net471) (< net46)) (== netcoreapp3.0) (== netcoreapp3.1) (== netstandard2.0)
      System.Runtime.Handles (>= 4.3) - restriction: || (&& (== net471) (< net46)) (== netcoreapp3.0) (== netcoreapp3.1) (== netstandard2.0)
      System.Runtime.InteropServices (>= 4.3) - restriction: || (&& (== net471) (< net46)) (== netcoreapp3.0) (== netcoreapp3.1) (== netstandard2.0)
      System.Runtime.Numerics (>= 4.3) - restriction: || (&& (== net471) (< net46)) (== netcoreapp3.0) (== netcoreapp3.1) (== netstandard2.0)
      System.Security.Cryptography.Algorithms (>= 4.3)
      System.Security.Cryptography.Cng (>= 4.3) - restriction: || (&& (== net471) (< net46)) (== netcoreapp3.0) (== netcoreapp3.1) (== netstandard2.0)
      System.Security.Cryptography.Csp (>= 4.3) - restriction: || (&& (== net471) (< net46)) (== netcoreapp3.0) (== netcoreapp3.1) (== netstandard2.0)
      System.Security.Cryptography.Encoding (>= 4.3)
      System.Security.Cryptography.OpenSsl (>= 4.3) - restriction: || (&& (== net471) (< net46)) (== netcoreapp3.0) (== netcoreapp3.1) (== netstandard2.0)
      System.Security.Cryptography.Primitives (>= 4.3) - restriction: || (&& (== net471) (< net46)) (== netcoreapp3.0) (== netcoreapp3.1) (== netstandard2.0)
      System.Text.Encoding (>= 4.3) - restriction: || (&& (== net471) (< net46)) (== netcoreapp3.0) (== netcoreapp3.1) (== netstandard2.0)
      System.Threading (>= 4.3) - restriction: || (&& (== net471) (< net46)) (== netcoreapp3.0) (== netcoreapp3.1) (== netstandard2.0)
    System.Security.Principal.Windows (4.7) - restriction: || (&& (== net471) (>= monoandroid) (< netstandard2.0)) (&& (== net471) (>= monotouch)) (&& (== net471) (< net46)) (&& (== net471) (>= netcoreapp2.0)) (&& (== net471) (>= xamarinios)) (&& (== net471) (>= xamarinmac)) (&& (== net471) (>= xamarintvos)) (&& (== net471) (>= xamarinwatchos)) (== netcoreapp3.0) (== netcoreapp3.1) (== netstandard2.0)
    System.Text.Encoding (4.3) - restriction: || (&& (== net471) (< net45)) (== netcoreapp3.0) (== netcoreapp3.1) (== netstandard2.0)
      Microsoft.NETCore.Platforms (>= 1.1) - restriction: || (&& (== net471) (< net45)) (== netcoreapp3.0) (== netcoreapp3.1) (== netstandard2.0)
      Microsoft.NETCore.Targets (>= 1.1) - restriction: || (&& (== net471) (< net45)) (== netcoreapp3.0) (== netcoreapp3.1) (== netstandard2.0)
      System.Runtime (>= 4.3) - restriction: || (&& (== net471) (< net45)) (== netcoreapp3.0) (== netcoreapp3.1) (== netstandard2.0)
    System.Text.Encoding.Extensions (4.3) - restriction: || (&& (== net471) (< net45)) (== netcoreapp3.0) (== netcoreapp3.1) (== netstandard2.0)
      Microsoft.NETCore.Platforms (>= 1.1) - restriction: || (&& (== net471) (< net45)) (== netcoreapp3.0) (== netcoreapp3.1) (== netstandard2.0)
      Microsoft.NETCore.Targets (>= 1.1) - restriction: || (&& (== net471) (< net45)) (== netcoreapp3.0) (== netcoreapp3.1) (== netstandard2.0)
      System.Runtime (>= 4.3) - restriction: || (&& (== net471) (< net45)) (== netcoreapp3.0) (== netcoreapp3.1) (== netstandard2.0)
      System.Text.Encoding (>= 4.3) - restriction: || (&& (== net471) (< net45)) (== netcoreapp3.0) (== netcoreapp3.1) (== netstandard2.0)
    System.Text.Encodings.Web (4.7) - restriction: || (&& (== net471) (== netcoreapp3.1)) (&& (== net471) (>= monoandroid) (< netstandard2.0)) (&& (== net471) (>= monotouch)) (&& (== net471) (< net451)) (&& (== net471) (>= netcoreapp2.0)) (&& (== net471) (>= netcoreapp2.1)) (&& (== net471) (>= netcoreapp3.0)) (&& (== net471) (>= uap10.1)) (&& (== net471) (>= xamarinios)) (&& (== net471) (>= xamarinmac)) (&& (== net471) (>= xamarintvos)) (&& (== net471) (>= xamarinwatchos)) (== netcoreapp3.0) (&& (== netcoreapp3.1) (>= monoandroid) (< netstandard2.0)) (&& (== netcoreapp3.1) (>= monotouch)) (&& (== netcoreapp3.1) (>= net461)) (&& (== netcoreapp3.1) (< netcoreapp2.0)) (&& (== netcoreapp3.1) (< netcoreapp2.1)) (&& (== netcoreapp3.1) (< netcoreapp3.0)) (&& (== netcoreapp3.1) (>= uap10.1)) (&& (== netcoreapp3.1) (>= xamarinios)) (&& (== netcoreapp3.1) (>= xamarinmac)) (&& (== netcoreapp3.1) (>= xamarintvos)) (&& (== netcoreapp3.1) (>= xamarinwatchos)) (== netstandard2.0)
      System.Memory (>= 4.5.3) - restriction: || (== net471) (&& (== netcoreapp3.0) (>= net461)) (&& (== netcoreapp3.0) (< netcoreapp2.1) (< netstandard2.1)) (&& (== netcoreapp3.0) (>= uap10.1)) (&& (== netcoreapp3.1) (>= net461)) (&& (== netcoreapp3.1) (< netcoreapp2.1) (< netstandard2.1)) (&& (== netcoreapp3.1) (>= uap10.1)) (== netstandard2.0)
    System.Text.Json (4.7.1) - restriction: || (&& (== net471) (< net451)) (== netcoreapp3.0) (== netcoreapp3.1) (== netstandard2.0)
      Microsoft.Bcl.AsyncInterfaces (>= 1.1) - restriction: || (== net471) (&& (== netcoreapp3.0) (>= monoandroid) (< netstandard2.0)) (&& (== netcoreapp3.0) (>= monotouch)) (&& (== netcoreapp3.0) (>= net461)) (&& (== netcoreapp3.0) (< netcoreapp2.0)) (&& (== netcoreapp3.0) (< netcoreapp2.1)) (&& (== netcoreapp3.0) (>= uap10.1)) (&& (== netcoreapp3.0) (>= xamarinios)) (&& (== netcoreapp3.0) (>= xamarinmac)) (&& (== netcoreapp3.0) (>= xamarintvos)) (&& (== netcoreapp3.0) (>= xamarinwatchos)) (&& (== netcoreapp3.1) (>= monoandroid) (< netstandard2.0)) (&& (== netcoreapp3.1) (>= monotouch)) (&& (== netcoreapp3.1) (>= net461)) (&& (== netcoreapp3.1) (< netcoreapp2.0)) (&& (== netcoreapp3.1) (< netcoreapp2.1)) (&& (== netcoreapp3.1) (< netcoreapp3.0)) (&& (== netcoreapp3.1) (>= uap10.1)) (&& (== netcoreapp3.1) (>= xamarinios)) (&& (== netcoreapp3.1) (>= xamarinmac)) (&& (== netcoreapp3.1) (>= xamarintvos)) (&& (== netcoreapp3.1) (>= xamarinwatchos)) (== netstandard2.0)
      System.Buffers (>= 4.5) - restriction: || (== net471) (&& (== netcoreapp3.0) (>= monoandroid) (< netstandard2.0)) (&& (== netcoreapp3.0) (>= monotouch)) (&& (== netcoreapp3.0) (>= net461)) (&& (== netcoreapp3.0) (< netcoreapp2.0)) (&& (== netcoreapp3.0) (>= xamarinios)) (&& (== netcoreapp3.0) (>= xamarinmac)) (&& (== netcoreapp3.0) (>= xamarintvos)) (&& (== netcoreapp3.0) (>= xamarinwatchos)) (&& (== netcoreapp3.1) (>= monoandroid) (< netstandard2.0)) (&& (== netcoreapp3.1) (>= monotouch)) (&& (== netcoreapp3.1) (>= net461)) (&& (== netcoreapp3.1) (< netcoreapp2.0)) (&& (== netcoreapp3.1) (>= xamarinios)) (&& (== netcoreapp3.1) (>= xamarinmac)) (&& (== netcoreapp3.1) (>= xamarintvos)) (&& (== netcoreapp3.1) (>= xamarinwatchos)) (== netstandard2.0)
      System.Memory (>= 4.5.3) - restriction: || (== net471) (&& (== netcoreapp3.0) (>= net461)) (&& (== netcoreapp3.0) (< netcoreapp2.0)) (&& (== netcoreapp3.0) (< netcoreapp2.1)) (&& (== netcoreapp3.0) (>= uap10.1)) (&& (== netcoreapp3.1) (>= net461)) (&& (== netcoreapp3.1) (< netcoreapp2.0)) (&& (== netcoreapp3.1) (< netcoreapp2.1)) (&& (== netcoreapp3.1) (>= uap10.1)) (== netstandard2.0)
      System.Numerics.Vectors (>= 4.5) - restriction: || (== net471) (&& (== netcoreapp3.0) (>= net461)) (&& (== netcoreapp3.0) (< netcoreapp2.0)) (&& (== netcoreapp3.1) (>= net461)) (&& (== netcoreapp3.1) (< netcoreapp2.0)) (== netstandard2.0)
      System.Runtime.CompilerServices.Unsafe (>= 4.7) - restriction: || (== net471) (== netcoreapp3.0) (&& (== netcoreapp3.1) (>= monoandroid) (< netstandard2.0)) (&& (== netcoreapp3.1) (>= monotouch)) (&& (== netcoreapp3.1) (>= net461)) (&& (== netcoreapp3.1) (< netcoreapp2.0)) (&& (== netcoreapp3.1) (< netcoreapp2.1)) (&& (== netcoreapp3.1) (< netcoreapp3.0)) (&& (== netcoreapp3.1) (>= uap10.1)) (&& (== netcoreapp3.1) (>= xamarinios)) (&& (== netcoreapp3.1) (>= xamarinmac)) (&& (== netcoreapp3.1) (>= xamarintvos)) (&& (== netcoreapp3.1) (>= xamarinwatchos)) (== netstandard2.0)
      System.Text.Encodings.Web (>= 4.7) - restriction: || (== net471) (== netcoreapp3.0) (&& (== netcoreapp3.1) (>= monoandroid) (< netstandard2.0)) (&& (== netcoreapp3.1) (>= monotouch)) (&& (== netcoreapp3.1) (>= net461)) (&& (== netcoreapp3.1) (< netcoreapp2.0)) (&& (== netcoreapp3.1) (< netcoreapp2.1)) (&& (== netcoreapp3.1) (< netcoreapp3.0)) (&& (== netcoreapp3.1) (>= uap10.1)) (&& (== netcoreapp3.1) (>= xamarinios)) (&& (== netcoreapp3.1) (>= xamarinmac)) (&& (== netcoreapp3.1) (>= xamarintvos)) (&& (== netcoreapp3.1) (>= xamarinwatchos)) (== netstandard2.0)
      System.Threading.Tasks.Extensions (>= 4.5.2) - restriction: || (== net471) (&& (== netcoreapp3.0) (>= net461)) (&& (== netcoreapp3.0) (< netcoreapp2.0)) (&& (== netcoreapp3.0) (< netcoreapp2.1)) (&& (== netcoreapp3.0) (>= uap10.1)) (&& (== netcoreapp3.1) (>= net461)) (&& (== netcoreapp3.1) (< netcoreapp2.0)) (&& (== netcoreapp3.1) (< netcoreapp2.1)) (&& (== netcoreapp3.1) (>= uap10.1)) (== netstandard2.0)
    System.Text.RegularExpressions (4.3.1) - restriction: || (&& (== net471) (< net45)) (== netcoreapp3.0) (== netcoreapp3.1) (== netstandard2.0)
      System.Collections (>= 4.3) - restriction: || (&& (== net471) (< net45)) (&& (== netcoreapp3.0) (< netcoreapp1.1)) (&& (== netcoreapp3.1) (< netcoreapp1.1)) (== netstandard2.0)
      System.Globalization (>= 4.3) - restriction: || (&& (== net471) (< net45)) (&& (== netcoreapp3.0) (< netcoreapp1.1)) (&& (== netcoreapp3.1) (< netcoreapp1.1)) (== netstandard2.0)
      System.Resources.ResourceManager (>= 4.3) - restriction: || (&& (== net471) (< net45)) (&& (== netcoreapp3.0) (< netcoreapp1.1)) (&& (== netcoreapp3.1) (< netcoreapp1.1)) (== netstandard2.0)
      System.Runtime (>= 4.3.1) - restriction: || (&& (== net471) (< net45)) (&& (== net471) (>= netcoreapp1.1)) (== netcoreapp3.0) (== netcoreapp3.1) (== netstandard2.0)
      System.Runtime.Extensions (>= 4.3.1) - restriction: || (&& (== net471) (< net45)) (&& (== netcoreapp3.0) (< netcoreapp1.1)) (&& (== netcoreapp3.1) (< netcoreapp1.1)) (== netstandard2.0)
      System.Threading (>= 4.3) - restriction: || (&& (== net471) (< net45)) (&& (== netcoreapp3.0) (< netcoreapp1.1)) (&& (== netcoreapp3.1) (< netcoreapp1.1)) (== netstandard2.0)
    System.Threading (4.3) - restriction: || (&& (== net471) (< net45)) (== netcoreapp3.0) (== netcoreapp3.1) (== netstandard2.0)
      System.Runtime (>= 4.3) - restriction: || (&& (== net471) (< net45)) (== netcoreapp3.0) (== netcoreapp3.1) (== netstandard2.0)
      System.Threading.Tasks (>= 4.3) - restriction: || (&& (== net471) (< net45)) (== netcoreapp3.0) (== netcoreapp3.1) (== netstandard2.0)
    System.Threading.Tasks (4.3) - restriction: || (&& (== net471) (< net45)) (== netcoreapp3.0) (== netcoreapp3.1) (== netstandard2.0)
      Microsoft.NETCore.Platforms (>= 1.1) - restriction: || (&& (== net471) (< net45)) (== netcoreapp3.0) (== netcoreapp3.1) (== netstandard2.0)
      Microsoft.NETCore.Targets (>= 1.1) - restriction: || (&& (== net471) (< net45)) (== netcoreapp3.0) (== netcoreapp3.1) (== netstandard2.0)
      System.Runtime (>= 4.3) - restriction: || (&& (== net471) (< net45)) (== netcoreapp3.0) (== netcoreapp3.1) (== netstandard2.0)
    System.Threading.Tasks.Extensions (4.5.3)
      System.Runtime.CompilerServices.Unsafe (>= 4.5.2) - restriction: || (== net471) (&& (== netcoreapp3.0) (>= net45)) (&& (== netcoreapp3.0) (< netcoreapp2.1)) (&& (== netcoreapp3.0) (< netstandard1.0)) (&& (== netcoreapp3.0) (< netstandard2.0)) (&& (== netcoreapp3.0) (>= wp8)) (&& (== netcoreapp3.1) (>= net45)) (&& (== netcoreapp3.1) (< netcoreapp2.1)) (&& (== netcoreapp3.1) (< netstandard1.0)) (&& (== netcoreapp3.1) (< netstandard2.0)) (&& (== netcoreapp3.1) (>= wp8)) (== netstandard2.0)
    System.Threading.Thread (4.3) - restriction: || (&& (== net471) (< net20)) (== netcoreapp3.0) (== netcoreapp3.1) (== netstandard2.0)
      System.Runtime (>= 4.3) - restriction: || (&& (== net471) (< net46)) (== netcoreapp3.0) (== netcoreapp3.1) (== netstandard2.0)
    System.Threading.ThreadPool (4.3) - restriction: || (&& (== net471) (< net46)) (== netcoreapp3.0) (== netcoreapp3.1) (== netstandard2.0)
      System.Runtime (>= 4.3) - restriction: || (&& (== net471) (< net46)) (== netcoreapp3.0) (== netcoreapp3.1) (== netstandard2.0)
      System.Runtime.Handles (>= 4.3) - restriction: || (&& (== net471) (< net46)) (== netcoreapp3.0) (== netcoreapp3.1) (== netstandard2.0)
    System.ValueTuple (4.5) - restriction: || (== net471) (&& (== netcoreapp3.0) (>= net46)) (&& (== netcoreapp3.0) (>= uap10.0)) (&& (== netcoreapp3.1) (>= net46)) (&& (== netcoreapp3.1) (>= uap10.0)) (&& (== netstandard2.0) (>= net46)) (&& (== netstandard2.0) (>= uap10.0))
    System.Xml.ReaderWriter (4.3.1) - restriction: || (&& (== net471) (< net45)) (== netcoreapp3.0) (== netcoreapp3.1) (== netstandard2.0)
      System.Collections (>= 4.3) - restriction: || (&& (== net471) (< net45)) (== netcoreapp3.0) (== netcoreapp3.1) (== netstandard2.0)
      System.Diagnostics.Debug (>= 4.3) - restriction: || (&& (== net471) (< net45)) (== netcoreapp3.0) (== netcoreapp3.1) (== netstandard2.0)
      System.Globalization (>= 4.3) - restriction: || (&& (== net471) (< net45)) (== netcoreapp3.0) (== netcoreapp3.1) (== netstandard2.0)
      System.IO (>= 4.3) - restriction: || (&& (== net471) (< net45)) (== netcoreapp3.0) (== netcoreapp3.1) (== netstandard2.0)
      System.IO.FileSystem (>= 4.3) - restriction: || (&& (== net471) (< net45)) (== netcoreapp3.0) (== netcoreapp3.1) (== netstandard2.0)
      System.IO.FileSystem.Primitives (>= 4.3) - restriction: || (&& (== net471) (< net45)) (== netcoreapp3.0) (== netcoreapp3.1) (== netstandard2.0)
      System.Resources.ResourceManager (>= 4.3) - restriction: || (&& (== net471) (< net45)) (== netcoreapp3.0) (== netcoreapp3.1) (== netstandard2.0)
      System.Runtime (>= 4.3) - restriction: || (&& (== net471) (< net45)) (== netcoreapp3.0) (== netcoreapp3.1) (== netstandard2.0)
      System.Runtime.Extensions (>= 4.3) - restriction: || (&& (== net471) (< net45)) (== netcoreapp3.0) (== netcoreapp3.1) (== netstandard2.0)
      System.Runtime.InteropServices (>= 4.3) - restriction: || (&& (== net471) (< net45)) (== netcoreapp3.0) (== netcoreapp3.1) (== netstandard2.0)
      System.Text.Encoding (>= 4.3) - restriction: || (&& (== net471) (< net45)) (== netcoreapp3.0) (== netcoreapp3.1) (== netstandard2.0)
      System.Text.Encoding.Extensions (>= 4.3) - restriction: || (&& (== net471) (< net45)) (== netcoreapp3.0) (== netcoreapp3.1) (== netstandard2.0)
      System.Text.RegularExpressions (>= 4.3) - restriction: || (&& (== net471) (< net45)) (== netcoreapp3.0) (== netcoreapp3.1) (== netstandard2.0)
      System.Threading.Tasks (>= 4.3) - restriction: || (&& (== net471) (< net45)) (== netcoreapp3.0) (== netcoreapp3.1) (== netstandard2.0)
      System.Threading.Tasks.Extensions (>= 4.3) - restriction: || (&& (== net471) (< net45)) (== netcoreapp3.0) (== netcoreapp3.1) (== netstandard2.0)
    System.Xml.XmlDocument (4.3) - restriction: || (&& (== net471) (< net45)) (== netcoreapp3.0) (== netcoreapp3.1) (== netstandard2.0)
      System.Collections (>= 4.3) - restriction: || (&& (== net471) (< net46)) (== netcoreapp3.0) (== netcoreapp3.1) (== netstandard2.0)
      System.Diagnostics.Debug (>= 4.3) - restriction: || (&& (== net471) (< net46)) (== netcoreapp3.0) (== netcoreapp3.1) (== netstandard2.0)
      System.Globalization (>= 4.3) - restriction: || (&& (== net471) (< net46)) (== netcoreapp3.0) (== netcoreapp3.1) (== netstandard2.0)
      System.IO (>= 4.3) - restriction: || (&& (== net471) (< net46)) (== netcoreapp3.0) (== netcoreapp3.1) (== netstandard2.0)
      System.Resources.ResourceManager (>= 4.3) - restriction: || (&& (== net471) (< net46)) (== netcoreapp3.0) (== netcoreapp3.1) (== netstandard2.0)
      System.Runtime (>= 4.3) - restriction: || (&& (== net471) (< net46)) (== netcoreapp3.0) (== netcoreapp3.1) (== netstandard2.0)
      System.Runtime.Extensions (>= 4.3) - restriction: || (&& (== net471) (< net46)) (== netcoreapp3.0) (== netcoreapp3.1) (== netstandard2.0)
      System.Text.Encoding (>= 4.3) - restriction: || (&& (== net471) (< net46)) (== netcoreapp3.0) (== netcoreapp3.1) (== netstandard2.0)
      System.Threading (>= 4.3) - restriction: || (&& (== net471) (< net46)) (== netcoreapp3.0) (== netcoreapp3.1) (== netstandard2.0)
      System.Xml.ReaderWriter (>= 4.3) - restriction: || (&& (== net471) (< net46)) (== netcoreapp3.0) (== netcoreapp3.1) (== netstandard2.0)
    System.Xml.XmlSerializer (4.3) - restriction: || (&& (== net471) (< net45)) (== netcoreapp3.0) (== netcoreapp3.1) (== netstandard2.0)
      System.Collections (>= 4.3) - restriction: || (&& (== net471) (< net45)) (== netcoreapp3.0) (== netcoreapp3.1) (== netstandard2.0)
      System.Globalization (>= 4.3) - restriction: || (&& (== net471) (< net45)) (== netcoreapp3.0) (== netcoreapp3.1) (== netstandard2.0)
      System.IO (>= 4.3) - restriction: || (&& (== net471) (< net45)) (== netcoreapp3.0) (== netcoreapp3.1) (== netstandard2.0)
      System.Linq (>= 4.3) - restriction: || (&& (== net471) (< net45)) (== netcoreapp3.0) (== netcoreapp3.1) (== netstandard2.0)
      System.Reflection (>= 4.3) - restriction: || (&& (== net471) (< net45)) (== netcoreapp3.0) (== netcoreapp3.1) (== netstandard2.0)
      System.Reflection.Emit (>= 4.3) - restriction: || (&& (== net471) (< net45)) (== netcoreapp3.0) (== netcoreapp3.1) (== netstandard2.0)
      System.Reflection.Emit.ILGeneration (>= 4.3) - restriction: || (&& (== net471) (< net45)) (== netcoreapp3.0) (== netcoreapp3.1) (== netstandard2.0)
      System.Reflection.Extensions (>= 4.3) - restriction: || (&& (== net471) (< net45)) (== netcoreapp3.0) (== netcoreapp3.1) (== netstandard2.0)
      System.Reflection.Primitives (>= 4.3) - restriction: || (&& (== net471) (< net45)) (== netcoreapp3.0) (== netcoreapp3.1) (== netstandard2.0)
      System.Reflection.TypeExtensions (>= 4.3) - restriction: || (&& (== net471) (< net45)) (== netcoreapp3.0) (== netcoreapp3.1) (== netstandard2.0)
      System.Resources.ResourceManager (>= 4.3) - restriction: || (&& (== net471) (< net45)) (== netcoreapp3.0) (== netcoreapp3.1) (== netstandard2.0)
      System.Runtime (>= 4.3) - restriction: || (&& (== net471) (< net45)) (== netcoreapp3.0) (== netcoreapp3.1) (== netstandard2.0)
      System.Runtime.Extensions (>= 4.3) - restriction: || (&& (== net471) (< net45)) (== netcoreapp3.0) (== netcoreapp3.1) (== netstandard2.0)
      System.Text.RegularExpressions (>= 4.3) - restriction: || (&& (== net471) (< net45)) (== netcoreapp3.0) (== netcoreapp3.1) (== netstandard2.0)
      System.Threading (>= 4.3) - restriction: || (&& (== net471) (< net45)) (== netcoreapp3.0) (== netcoreapp3.1) (== netstandard2.0)
      System.Xml.ReaderWriter (>= 4.3) - restriction: || (&& (== net471) (< net45)) (== netcoreapp3.0) (== netcoreapp3.1) (== netstandard2.0)
      System.Xml.XmlDocument (>= 4.3) - restriction: || (&& (== net471) (< net45)) (== netcoreapp3.0) (== netcoreapp3.1) (== netstandard2.0)
    Ultz.Native.GLFW (3.3.2)
    Ultz.SuperInvoke (1.0.3)
      System.Memory (>= 4.5.3)
      System.Reflection.Emit (>= 4.7)
      Ultz.SuperInvoke.Loader (>= 1.0.3)
    Ultz.SuperInvoke.Loader (1.0.3)
      Microsoft.DotNet.PlatformAbstractions (>= 3.1.1)
      Microsoft.Extensions.DependencyModel (>= 3.1.1)
    Unofficial.AssimpNet (4.0.5)
    Unofficial.LibTessDotNet (2.0.2)
    Unofficial.OpenTK (3.0.18)
    Unofficial.OpenTK.GLControl (3.0.18)
      Unofficial.OpenTK (3.0.18)
    Unofficial.OpenVR (1.1)
    Unofficial.Typography (0.1)
      System.Numerics.Vectors (>= 4.5)

GROUP Build
RESTRICTION: == netstandard2.0
NUGET
  remote: https://api.nuget.org/v3/index.json
    Argu (5.5)
      FSharp.Core (>= 4.3.2)
      System.Configuration.ConfigurationManager (>= 4.4)
    BlackFox.VsWhere (1.0)
      FSharp.Core (>= 4.2.3)
    fake-cli (5.19)
    Fake.Core.CommandLineParsing (5.19)
      FParsec (>= 1.0.3)
      FSharp.Core (>= 4.7)
    Fake.Core.Context (5.19)
      FSharp.Core (>= 4.7)
    Fake.Core.Environment (5.19)
      FSharp.Core (>= 4.7)
    Fake.Core.FakeVar (5.19)
      Fake.Core.Context (>= 5.19)
      FSharp.Core (>= 4.7)
    Fake.Core.Process (5.19)
      Fake.Core.Environment (>= 5.19)
      Fake.Core.FakeVar (>= 5.19)
      Fake.Core.String (>= 5.19)
      Fake.Core.Trace (>= 5.19)
      Fake.IO.FileSystem (>= 5.19)
      FSharp.Core (>= 4.7)
      System.Diagnostics.Process (>= 4.3)
    Fake.Core.SemVer (5.19)
      FSharp.Core (>= 4.7)
      System.Runtime.Numerics (>= 4.3)
    Fake.Core.String (5.19)
      FSharp.Core (>= 4.7)
    Fake.Core.Target (5.19)
      Fake.Core.CommandLineParsing (>= 5.19)
      Fake.Core.Context (>= 5.19)
      Fake.Core.Environment (>= 5.19)
      Fake.Core.FakeVar (>= 5.19)
      Fake.Core.Process (>= 5.19)
      Fake.Core.String (>= 5.19)
      Fake.Core.Trace (>= 5.19)
      FSharp.Control.Reactive (>= 4.2)
      FSharp.Core (>= 4.7)
      System.Reactive.Compatibility (>= 4.3.1)
    Fake.Core.Trace (5.19)
      Fake.Core.Environment (>= 5.19)
      Fake.Core.FakeVar (>= 5.19)
      FSharp.Core (>= 4.7)
    Fake.DotNet.MSBuild (5.19)
      BlackFox.VsWhere (>= 1.0)
      Fake.Core.Environment (>= 5.19)
      Fake.Core.Process (>= 5.19)
      Fake.Core.String (>= 5.19)
      Fake.Core.Trace (>= 5.19)
      Fake.IO.FileSystem (>= 5.19)
      FSharp.Core (>= 4.7)
      MSBuild.StructuredLogger (>= 2.0.152)
    Fake.IO.FileSystem (5.19)
      Fake.Core.String (>= 5.19)
      FSharp.Core (>= 4.7)
      System.Diagnostics.FileVersionInfo (>= 4.3)
      System.IO.FileSystem.Watcher (>= 4.3)
    Fake.Tools.Git (5.19)
      Fake.Core.Environment (>= 5.19)
      Fake.Core.Process (>= 5.19)
      Fake.Core.SemVer (>= 5.19)
      Fake.Core.String (>= 5.19)
      Fake.Core.Trace (>= 5.19)
      Fake.IO.FileSystem (>= 5.19)
      FSharp.Core (>= 4.7)
    FParsec (1.1)
      FSharp.Core (>= 4.3.4)
    FSharp.Control.Reactive (4.2)
      FSharp.Core (>= 4.2.3)
      System.Reactive (>= 4.0)
    FSharp.Core (4.7)
    FSharp.Data (3.0.1)
      FSharp.Core (>= 4.3.4)
    Microsoft.Build (16.4)
    Microsoft.Build.Framework (16.4)
      System.Runtime.Serialization.Primitives (>= 4.1.1)
      System.Threading.Thread (>= 4.0)
    Microsoft.Build.Tasks.Core (16.4)
      Microsoft.Build.Framework (>= 16.4)
      Microsoft.Build.Utilities.Core (>= 16.4)
      Microsoft.Win32.Registry (>= 4.3)
      System.CodeDom (>= 4.4)
      System.Collections.Immutable (>= 1.5)
      System.Linq.Parallel (>= 4.0.1)
      System.Net.Http (>= 4.3.4)
      System.Reflection.Metadata (>= 1.6)
      System.Reflection.TypeExtensions (>= 4.1)
      System.Resources.Extensions (>= 4.6)
      System.Resources.Writer (>= 4.0)
      System.Threading.Tasks.Dataflow (>= 4.9)
    Microsoft.Build.Utilities.Core (16.4)
      Microsoft.Build.Framework (>= 16.4)
      Microsoft.Win32.Registry (>= 4.3)
      System.Collections.Immutable (>= 1.5)
      System.Text.Encoding.CodePages (>= 4.0.1)
    Microsoft.NETCore.Platforms (3.1)
    Microsoft.NETCore.Targets (3.1)
    Microsoft.Win32.Primitives (4.3)
      Microsoft.NETCore.Platforms (>= 1.1)
      Microsoft.NETCore.Targets (>= 1.1)
      System.Runtime (>= 4.3)
    Microsoft.Win32.Registry (4.7)
      System.Buffers (>= 4.5)
      System.Memory (>= 4.5.3)
      System.Security.AccessControl (>= 4.7)
      System.Security.Principal.Windows (>= 4.7)
    Mono.Cecil (0.10.4)
      System.Collections (>= 4.3)
      System.IO.FileSystem (>= 4.3)
      System.IO.FileSystem.Primitives (>= 4.3)
      System.Reflection (>= 4.3)
      System.Runtime.Extensions (>= 4.3)
      System.Security.Cryptography.Algorithms (>= 4.3)
      System.Security.Cryptography.Csp (>= 4.3)
      System.Threading (>= 4.3)
    MSBuild.StructuredLogger (2.0.174)
      Microsoft.Build (>= 15.8.166)
      Microsoft.Build.Framework (>= 15.8.166)
      Microsoft.Build.Tasks.Core (>= 15.8.166)
      Microsoft.Build.Utilities.Core (>= 15.8.166)
    runtime.debian.8-x64.runtime.native.System.Security.Cryptography.OpenSsl (4.3.3)
    runtime.debian.9-x64.runtime.native.System.Security.Cryptography.OpenSsl (4.3.3)
    runtime.fedora.23-x64.runtime.native.System.Security.Cryptography.OpenSsl (4.3.3)
    runtime.fedora.24-x64.runtime.native.System.Security.Cryptography.OpenSsl (4.3.3)
    runtime.fedora.27-x64.runtime.native.System.Security.Cryptography.OpenSsl (4.3.3)
    runtime.fedora.28-x64.runtime.native.System.Security.Cryptography.OpenSsl (4.3.3)
    runtime.native.System (4.3.1)
      Microsoft.NETCore.Platforms (>= 1.1.1)
      Microsoft.NETCore.Targets (>= 1.1.3)
    runtime.native.System.IO.Compression (4.3.2)
      Microsoft.NETCore.Platforms (>= 1.1.1)
      Microsoft.NETCore.Targets (>= 1.1.3)
    runtime.native.System.Net.Http (4.3.1)
      Microsoft.NETCore.Platforms (>= 1.1.1)
      Microsoft.NETCore.Targets (>= 1.1.3)
    runtime.native.System.Security.Cryptography.Apple (4.3.1)
      runtime.osx.10.10-x64.runtime.native.System.Security.Cryptography.Apple (>= 4.3.1)
    runtime.native.System.Security.Cryptography.OpenSsl (4.3.3)
      runtime.debian.8-x64.runtime.native.System.Security.Cryptography.OpenSsl (>= 4.3.3)
      runtime.debian.9-x64.runtime.native.System.Security.Cryptography.OpenSsl (>= 4.3.3)
      runtime.fedora.23-x64.runtime.native.System.Security.Cryptography.OpenSsl (>= 4.3.3)
      runtime.fedora.24-x64.runtime.native.System.Security.Cryptography.OpenSsl (>= 4.3.3)
      runtime.fedora.27-x64.runtime.native.System.Security.Cryptography.OpenSsl (>= 4.3.3)
      runtime.fedora.28-x64.runtime.native.System.Security.Cryptography.OpenSsl (>= 4.3.3)
      runtime.opensuse.13.2-x64.runtime.native.System.Security.Cryptography.OpenSsl (>= 4.3.3)
      runtime.opensuse.42.1-x64.runtime.native.System.Security.Cryptography.OpenSsl (>= 4.3.3)
      runtime.opensuse.42.3-x64.runtime.native.System.Security.Cryptography.OpenSsl (>= 4.3.3)
      runtime.osx.10.10-x64.runtime.native.System.Security.Cryptography.OpenSsl (>= 4.3.3)
      runtime.rhel.7-x64.runtime.native.System.Security.Cryptography.OpenSsl (>= 4.3.3)
      runtime.ubuntu.14.04-x64.runtime.native.System.Security.Cryptography.OpenSsl (>= 4.3.3)
      runtime.ubuntu.16.04-x64.runtime.native.System.Security.Cryptography.OpenSsl (>= 4.3.3)
      runtime.ubuntu.16.10-x64.runtime.native.System.Security.Cryptography.OpenSsl (>= 4.3.3)
      runtime.ubuntu.18.04-x64.runtime.native.System.Security.Cryptography.OpenSsl (>= 4.3.3)
    runtime.opensuse.13.2-x64.runtime.native.System.Security.Cryptography.OpenSsl (4.3.3)
    runtime.opensuse.42.1-x64.runtime.native.System.Security.Cryptography.OpenSsl (4.3.3)
    runtime.opensuse.42.3-x64.runtime.native.System.Security.Cryptography.OpenSsl (4.3.3)
    runtime.osx.10.10-x64.runtime.native.System.Security.Cryptography.Apple (4.3.1)
    runtime.osx.10.10-x64.runtime.native.System.Security.Cryptography.OpenSsl (4.3.3)
    runtime.rhel.7-x64.runtime.native.System.Security.Cryptography.OpenSsl (4.3.3)
    runtime.ubuntu.14.04-x64.runtime.native.System.Security.Cryptography.OpenSsl (4.3.3)
    runtime.ubuntu.16.04-x64.runtime.native.System.Security.Cryptography.OpenSsl (4.3.3)
    runtime.ubuntu.16.10-x64.runtime.native.System.Security.Cryptography.OpenSsl (4.3.3)
    runtime.ubuntu.18.04-x64.runtime.native.System.Security.Cryptography.OpenSsl (4.3.3)
    SourceLink.Fake (1.1)
    System.Buffers (4.5)
    System.CodeDom (4.7)
    System.Collections (4.3)
      Microsoft.NETCore.Platforms (>= 1.1)
      Microsoft.NETCore.Targets (>= 1.1)
      System.Runtime (>= 4.3)
    System.Collections.Concurrent (4.3)
      System.Collections (>= 4.3)
      System.Diagnostics.Debug (>= 4.3)
      System.Diagnostics.Tracing (>= 4.3)
      System.Globalization (>= 4.3)
      System.Reflection (>= 4.3)
      System.Resources.ResourceManager (>= 4.3)
      System.Runtime (>= 4.3)
      System.Runtime.Extensions (>= 4.3)
      System.Threading (>= 4.3)
      System.Threading.Tasks (>= 4.3)
    System.Collections.Immutable (1.7)
      System.Memory (>= 4.5.3)
    System.Configuration.ConfigurationManager (4.7)
      System.Security.Cryptography.ProtectedData (>= 4.7)
      System.Security.Permissions (>= 4.7)
    System.Diagnostics.Debug (4.3)
      Microsoft.NETCore.Platforms (>= 1.1)
      Microsoft.NETCore.Targets (>= 1.1)
      System.Runtime (>= 4.3)
    System.Diagnostics.DiagnosticSource (4.7)
      System.Memory (>= 4.5.3)
    System.Diagnostics.FileVersionInfo (4.3)
      Microsoft.NETCore.Platforms (>= 1.1)
      System.Globalization (>= 4.3)
      System.IO (>= 4.3)
      System.IO.FileSystem (>= 4.3)
      System.IO.FileSystem.Primitives (>= 4.3)
      System.Reflection.Metadata (>= 1.4.1)
      System.Runtime (>= 4.3)
      System.Runtime.Extensions (>= 4.3)
      System.Runtime.InteropServices (>= 4.3)
    System.Diagnostics.Process (4.3)
      Microsoft.NETCore.Platforms (>= 1.1)
      Microsoft.Win32.Primitives (>= 4.3)
      Microsoft.Win32.Registry (>= 4.3)
      runtime.native.System (>= 4.3)
      System.Collections (>= 4.3)
      System.Diagnostics.Debug (>= 4.3)
      System.Globalization (>= 4.3)
      System.IO (>= 4.3)
      System.IO.FileSystem (>= 4.3)
      System.IO.FileSystem.Primitives (>= 4.3)
      System.Resources.ResourceManager (>= 4.3)
      System.Runtime (>= 4.3)
      System.Runtime.Extensions (>= 4.3)
      System.Runtime.Handles (>= 4.3)
      System.Runtime.InteropServices (>= 4.3)
      System.Text.Encoding (>= 4.3)
      System.Text.Encoding.Extensions (>= 4.3)
      System.Threading (>= 4.3)
      System.Threading.Tasks (>= 4.3)
      System.Threading.Thread (>= 4.3)
      System.Threading.ThreadPool (>= 4.3)
    System.Diagnostics.Tracing (4.3)
      Microsoft.NETCore.Platforms (>= 1.1)
      Microsoft.NETCore.Targets (>= 1.1)
      System.Runtime (>= 4.3)
    System.Globalization (4.3)
      Microsoft.NETCore.Platforms (>= 1.1)
      Microsoft.NETCore.Targets (>= 1.1)
      System.Runtime (>= 4.3)
    System.Globalization.Calendars (4.3)
      Microsoft.NETCore.Platforms (>= 1.1)
      Microsoft.NETCore.Targets (>= 1.1)
      System.Globalization (>= 4.3)
      System.Runtime (>= 4.3)
    System.Globalization.Extensions (4.3)
      Microsoft.NETCore.Platforms (>= 1.1)
      System.Globalization (>= 4.3)
      System.Resources.ResourceManager (>= 4.3)
      System.Runtime (>= 4.3)
      System.Runtime.Extensions (>= 4.3)
      System.Runtime.InteropServices (>= 4.3)
    System.IO (4.3)
      Microsoft.NETCore.Platforms (>= 1.1)
      Microsoft.NETCore.Targets (>= 1.1)
      System.Runtime (>= 4.3)
      System.Text.Encoding (>= 4.3)
      System.Threading.Tasks (>= 4.3)
    System.IO.Compression (4.3)
      Microsoft.NETCore.Platforms (>= 1.1)
      runtime.native.System (>= 4.3)
      runtime.native.System.IO.Compression (>= 4.3)
      System.Buffers (>= 4.3)
      System.Collections (>= 4.3)
      System.Diagnostics.Debug (>= 4.3)
      System.IO (>= 4.3)
      System.Resources.ResourceManager (>= 4.3)
      System.Runtime (>= 4.3)
      System.Runtime.Extensions (>= 4.3)
      System.Runtime.Handles (>= 4.3)
      System.Runtime.InteropServices (>= 4.3)
      System.Text.Encoding (>= 4.3)
      System.Threading (>= 4.3)
      System.Threading.Tasks (>= 4.3)
    System.IO.Compression.ZipFile (4.3)
      System.Buffers (>= 4.3)
      System.IO (>= 4.3)
      System.IO.Compression (>= 4.3)
      System.IO.FileSystem (>= 4.3)
      System.IO.FileSystem.Primitives (>= 4.3)
      System.Resources.ResourceManager (>= 4.3)
      System.Runtime (>= 4.3)
      System.Runtime.Extensions (>= 4.3)
      System.Text.Encoding (>= 4.3)
    System.IO.FileSystem (4.3)
      Microsoft.NETCore.Platforms (>= 1.1)
      Microsoft.NETCore.Targets (>= 1.1)
      System.IO (>= 4.3)
      System.IO.FileSystem.Primitives (>= 4.3)
      System.Runtime (>= 4.3)
      System.Runtime.Handles (>= 4.3)
      System.Text.Encoding (>= 4.3)
      System.Threading.Tasks (>= 4.3)
    System.IO.FileSystem.Primitives (4.3)
      System.Runtime (>= 4.3)
    System.IO.FileSystem.Watcher (4.3)
      Microsoft.NETCore.Platforms (>= 1.1)
      Microsoft.Win32.Primitives (>= 4.3)
      runtime.native.System (>= 4.3)
      System.Collections (>= 4.3)
      System.IO.FileSystem (>= 4.3)
      System.IO.FileSystem.Primitives (>= 4.3)
      System.Resources.ResourceManager (>= 4.3)
      System.Runtime (>= 4.3)
      System.Runtime.Extensions (>= 4.3)
      System.Runtime.Handles (>= 4.3)
      System.Runtime.InteropServices (>= 4.3)
      System.Text.Encoding (>= 4.3)
      System.Threading (>= 4.3)
      System.Threading.Overlapped (>= 4.3)
      System.Threading.Tasks (>= 4.3)
      System.Threading.Thread (>= 4.3)
    System.Linq (4.3)
      System.Collections (>= 4.3)
      System.Diagnostics.Debug (>= 4.3)
      System.Resources.ResourceManager (>= 4.3)
      System.Runtime (>= 4.3)
      System.Runtime.Extensions (>= 4.3)
    System.Linq.Parallel (4.3)
      System.Collections (>= 4.3)
      System.Collections.Concurrent (>= 4.3)
      System.Diagnostics.Debug (>= 4.3)
      System.Diagnostics.Tracing (>= 4.3)
      System.Linq (>= 4.3)
      System.Resources.ResourceManager (>= 4.3)
      System.Runtime (>= 4.3)
      System.Runtime.Extensions (>= 4.3)
      System.Threading (>= 4.3)
      System.Threading.Tasks (>= 4.3)
    System.Memory (4.5.3)
      System.Buffers (>= 4.4)
      System.Numerics.Vectors (>= 4.4)
      System.Runtime.CompilerServices.Unsafe (>= 4.5.2)
    System.Net.Http (4.3.4)
      Microsoft.NETCore.Platforms (>= 1.1.1)
      runtime.native.System (>= 4.3)
      runtime.native.System.Net.Http (>= 4.3)
      runtime.native.System.Security.Cryptography.OpenSsl (>= 4.3.2)
      System.Collections (>= 4.3)
      System.Diagnostics.Debug (>= 4.3)
      System.Diagnostics.DiagnosticSource (>= 4.3)
      System.Diagnostics.Tracing (>= 4.3)
      System.Globalization (>= 4.3)
      System.Globalization.Extensions (>= 4.3)
      System.IO (>= 4.3)
      System.IO.FileSystem (>= 4.3)
      System.Net.Primitives (>= 4.3)
      System.Resources.ResourceManager (>= 4.3)
      System.Runtime (>= 4.3)
      System.Runtime.Extensions (>= 4.3)
      System.Runtime.Handles (>= 4.3)
      System.Runtime.InteropServices (>= 4.3)
      System.Security.Cryptography.Algorithms (>= 4.3)
      System.Security.Cryptography.Encoding (>= 4.3)
      System.Security.Cryptography.OpenSsl (>= 4.3)
      System.Security.Cryptography.Primitives (>= 4.3)
      System.Security.Cryptography.X509Certificates (>= 4.3)
      System.Text.Encoding (>= 4.3)
      System.Threading (>= 4.3)
      System.Threading.Tasks (>= 4.3)
    System.Net.Primitives (4.3.1)
      Microsoft.NETCore.Platforms (>= 1.1.1)
      Microsoft.NETCore.Targets (>= 1.1.3)
      System.Runtime (>= 4.3.1)
      System.Runtime.Handles (>= 4.3)
    System.Numerics.Vectors (4.5)
    System.Reactive (4.3.2)
      System.Runtime.InteropServices.WindowsRuntime (>= 4.3)
      System.Threading.Tasks.Extensions (>= 4.5.3)
    System.Reactive.Compatibility (4.3.2)
      System.Reactive.Core (>= 4.3.2)
      System.Reactive.Interfaces (>= 4.3.2)
      System.Reactive.Linq (>= 4.3.2)
      System.Reactive.PlatformServices (>= 4.3.2)
      System.Reactive.Providers (>= 4.3.2)
    System.Reactive.Core (4.3.2)
      System.Reactive (>= 4.3.2)
      System.Threading.Tasks.Extensions (>= 4.5.3)
    System.Reactive.Interfaces (4.3.2)
      System.Reactive (>= 4.3.2)
      System.Threading.Tasks.Extensions (>= 4.5.3)
    System.Reactive.Linq (4.3.2)
      System.Reactive (>= 4.3.2)
      System.Threading.Tasks.Extensions (>= 4.5.3)
    System.Reactive.PlatformServices (4.3.2)
      System.Reactive (>= 4.3.2)
      System.Threading.Tasks.Extensions (>= 4.5.3)
    System.Reactive.Providers (4.3.2)
      System.Reactive (>= 4.3.2)
      System.Threading.Tasks.Extensions (>= 4.5.3)
    System.Reflection (4.3)
      Microsoft.NETCore.Platforms (>= 1.1)
      Microsoft.NETCore.Targets (>= 1.1)
      System.IO (>= 4.3)
      System.Reflection.Primitives (>= 4.3)
      System.Runtime (>= 4.3)
    System.Reflection.Metadata (1.8)
      System.Collections.Immutable (>= 1.7)
    System.Reflection.Primitives (4.3)
      Microsoft.NETCore.Platforms (>= 1.1)
      Microsoft.NETCore.Targets (>= 1.1)
      System.Runtime (>= 4.3)
    System.Reflection.TypeExtensions (4.7)
    System.Resources.Extensions (4.7)
      System.Memory (>= 4.5.3)
    System.Resources.ResourceManager (4.3)
      Microsoft.NETCore.Platforms (>= 1.1)
      Microsoft.NETCore.Targets (>= 1.1)
      System.Globalization (>= 4.3)
      System.Reflection (>= 4.3)
      System.Runtime (>= 4.3)
    System.Resources.Writer (4.3)
      System.Collections (>= 4.3)
      System.IO (>= 4.3)
      System.Resources.ResourceManager (>= 4.3)
      System.Runtime (>= 4.3)
      System.Runtime.Extensions (>= 4.3)
      System.Text.Encoding (>= 4.3)
    System.Runtime (4.3.1)
      Microsoft.NETCore.Platforms (>= 1.1.1)
      Microsoft.NETCore.Targets (>= 1.1.3)
    System.Runtime.CompilerServices.Unsafe (4.7)
    System.Runtime.Extensions (4.3.1)
      Microsoft.NETCore.Platforms (>= 1.1.1)
      Microsoft.NETCore.Targets (>= 1.1.3)
      System.Runtime (>= 4.3.1)
    System.Runtime.Handles (4.3)
      Microsoft.NETCore.Platforms (>= 1.1)
      Microsoft.NETCore.Targets (>= 1.1)
      System.Runtime (>= 4.3)
    System.Runtime.InteropServices (4.3)
      Microsoft.NETCore.Platforms (>= 1.1)
      Microsoft.NETCore.Targets (>= 1.1)
      System.Reflection (>= 4.3)
      System.Reflection.Primitives (>= 4.3)
      System.Runtime (>= 4.3)
      System.Runtime.Handles (>= 4.3)
    System.Runtime.InteropServices.WindowsRuntime (4.3)
      System.Runtime (>= 4.3)
    System.Runtime.Numerics (4.3)
      System.Globalization (>= 4.3)
      System.Resources.ResourceManager (>= 4.3)
      System.Runtime (>= 4.3)
      System.Runtime.Extensions (>= 4.3)
    System.Runtime.Serialization.Primitives (4.3)
      System.Resources.ResourceManager (>= 4.3)
      System.Runtime (>= 4.3)
    System.Security.AccessControl (4.7)
      System.Security.Principal.Windows (>= 4.7)
    System.Security.Cryptography.Algorithms (4.3.1)
      Microsoft.NETCore.Platforms (>= 1.1)
      runtime.native.System.Security.Cryptography.Apple (>= 4.3.1)
      runtime.native.System.Security.Cryptography.OpenSsl (>= 4.3.2)
      System.Collections (>= 4.3)
      System.IO (>= 4.3)
      System.Resources.ResourceManager (>= 4.3)
      System.Runtime (>= 4.3)
      System.Runtime.Extensions (>= 4.3)
      System.Runtime.Handles (>= 4.3)
      System.Runtime.InteropServices (>= 4.3)
      System.Runtime.Numerics (>= 4.3)
      System.Security.Cryptography.Encoding (>= 4.3)
      System.Security.Cryptography.Primitives (>= 4.3)
      System.Text.Encoding (>= 4.3)
    System.Security.Cryptography.Cng (4.7)
    System.Security.Cryptography.Csp (4.3)
      Microsoft.NETCore.Platforms (>= 1.1)
      System.IO (>= 4.3)
      System.Reflection (>= 4.3)
      System.Resources.ResourceManager (>= 4.3)
      System.Runtime (>= 4.3)
      System.Runtime.Extensions (>= 4.3)
      System.Runtime.Handles (>= 4.3)
      System.Runtime.InteropServices (>= 4.3)
      System.Security.Cryptography.Algorithms (>= 4.3)
      System.Security.Cryptography.Encoding (>= 4.3)
      System.Security.Cryptography.Primitives (>= 4.3)
      System.Text.Encoding (>= 4.3)
      System.Threading (>= 4.3)
    System.Security.Cryptography.Encoding (4.3)
      Microsoft.NETCore.Platforms (>= 1.1)
      runtime.native.System.Security.Cryptography.OpenSsl (>= 4.3)
      System.Collections (>= 4.3)
      System.Collections.Concurrent (>= 4.3)
      System.Linq (>= 4.3)
      System.Resources.ResourceManager (>= 4.3)
      System.Runtime (>= 4.3)
      System.Runtime.Extensions (>= 4.3)
      System.Runtime.Handles (>= 4.3)
      System.Runtime.InteropServices (>= 4.3)
      System.Security.Cryptography.Primitives (>= 4.3)
      System.Text.Encoding (>= 4.3)
    System.Security.Cryptography.OpenSsl (4.7)
    System.Security.Cryptography.Primitives (4.3)
      System.Diagnostics.Debug (>= 4.3)
      System.Globalization (>= 4.3)
      System.IO (>= 4.3)
      System.Resources.ResourceManager (>= 4.3)
      System.Runtime (>= 4.3)
      System.Threading (>= 4.3)
      System.Threading.Tasks (>= 4.3)
    System.Security.Cryptography.ProtectedData (4.7)
      System.Memory (>= 4.5.3)
    System.Security.Cryptography.X509Certificates (4.3.2)
      Microsoft.NETCore.Platforms (>= 1.1)
      runtime.native.System (>= 4.3)
      runtime.native.System.Net.Http (>= 4.3)
      runtime.native.System.Security.Cryptography.OpenSsl (>= 4.3.2)
      System.Collections (>= 4.3)
      System.Diagnostics.Debug (>= 4.3)
      System.Globalization (>= 4.3)
      System.Globalization.Calendars (>= 4.3)
      System.IO (>= 4.3)
      System.IO.FileSystem (>= 4.3)
      System.IO.FileSystem.Primitives (>= 4.3)
      System.Resources.ResourceManager (>= 4.3)
      System.Runtime (>= 4.3)
      System.Runtime.Extensions (>= 4.3)
      System.Runtime.Handles (>= 4.3)
      System.Runtime.InteropServices (>= 4.3)
      System.Runtime.Numerics (>= 4.3)
      System.Security.Cryptography.Algorithms (>= 4.3)
      System.Security.Cryptography.Cng (>= 4.3)
      System.Security.Cryptography.Csp (>= 4.3)
      System.Security.Cryptography.Encoding (>= 4.3)
      System.Security.Cryptography.OpenSsl (>= 4.3)
      System.Security.Cryptography.Primitives (>= 4.3)
      System.Text.Encoding (>= 4.3)
      System.Threading (>= 4.3)
    System.Security.Permissions (4.7)
      System.Security.AccessControl (>= 4.7)
    System.Security.Principal.Windows (4.7)
    System.Text.Encoding (4.3)
      Microsoft.NETCore.Platforms (>= 1.1)
      Microsoft.NETCore.Targets (>= 1.1)
      System.Runtime (>= 4.3)
    System.Text.Encoding.CodePages (4.7)
      System.Runtime.CompilerServices.Unsafe (>= 4.7)
    System.Text.Encoding.Extensions (4.3)
      Microsoft.NETCore.Platforms (>= 1.1)
      Microsoft.NETCore.Targets (>= 1.1)
      System.Runtime (>= 4.3)
      System.Text.Encoding (>= 4.3)
    System.Threading (4.3)
      System.Runtime (>= 4.3)
      System.Threading.Tasks (>= 4.3)
    System.Threading.Overlapped (4.3)
      Microsoft.NETCore.Platforms (>= 1.1)
      System.Resources.ResourceManager (>= 4.3)
      System.Runtime (>= 4.3)
      System.Runtime.Handles (>= 4.3)
    System.Threading.Tasks (4.3)
      Microsoft.NETCore.Platforms (>= 1.1)
      Microsoft.NETCore.Targets (>= 1.1)
      System.Runtime (>= 4.3)
    System.Threading.Tasks.Dataflow (4.11)
    System.Threading.Tasks.Extensions (4.5.3)
      System.Runtime.CompilerServices.Unsafe (>= 4.5.2)
    System.Threading.Thread (4.3)
      System.Runtime (>= 4.3)
    System.Threading.ThreadPool (4.3)
      System.Runtime (>= 4.3)
      System.Runtime.Handles (>= 4.3)
GITHUB
  remote: aardvark-platform/aardvark.fake
    FULLPROJECT (693df9bf48d87b146b3b4039b816cdb029177dc6)
      Argu (>= 5.5 < 5.6)
      fake-cli (>= 5.19 < 5.20)
      Fake.Core.Target (>= 5.19 < 5.20)
      Fake.DotNet.MSBuild (>= 5.19 < 5.20)
      Fake.IO.FileSystem (>= 5.19 < 5.20)
      Fake.Tools.Git (>= 5.19 < 5.20)
      Mono.Cecil (>= 0.10.4 < 0.11)
      SourceLink.Fake (>= 1.1 < 1.2)
      System.IO.Compression.ZipFile (>= 4.3 < 4.4)